REDIRECTS: ON
FRAMEWORK: NET461
NUGET
  remote: http://api.nuget.org/v3/index.json
    FAKE (4.45.3)
    FSharp.Compiler.CodeDom (1.0.0.1)
    FSharp.Compiler.Service (8.0)
      System.Collections.Immutable (>= 1.2)
      System.Reflection.Metadata (>= 1.4.1-beta-24227-04)
    NHamcrest (1.2.1)
    SourceLink (1.1)
    SourceLink.Fake (1.1)
    System.Collections.Immutable (1.3)
    System.Reflection.Metadata (1.4.1)
      System.Collections.Immutable (>= 1.3)
    xunit (2.1)
      xunit.assert (2.1)
      xunit.core (2.1)
    xunit.abstractions (2.0)
    xunit.assert (2.1)
    xunit.core (2.1)
      xunit.extensibility.core (2.1)
      xunit.extensibility.execution (2.1)
    xunit.extensibility.core (2.1)
      xunit.abstractions (2.0)
    xunit.extensibility.execution (2.1)
      xunit.extensibility.core (2.1)
    xunit.runner.console (2.1)
