REDIRECTS: OFF
STORAGE: NONE
RESTRICTION: || (== net48) (== netstandard2.0)
NUGET
  remote: https://api.nuget.org/v3/index.json
    dotnet-sourcelink (2.8.3) - clitool: true
    FSharp.Compiler.CodeDom (1.0.0.1)
    FSharp.Compiler.Service (23.0.3)
      FSharp.Core (>= 4.1.18)
      System.Collections.Immutable (>= 1.3.1)
      System.Diagnostics.Process (>= 4.1) - restriction: || (&& (== net48) (< net45)) (== netstandard2.0)
      System.Diagnostics.TraceSource (>= 4.0) - restriction: || (&& (== net48) (< net45)) (== netstandard2.0)
      System.Reflection.Emit (>= 4.3) - restriction: || (&& (== net48) (< net45)) (== netstandard2.0)
      System.Reflection.Metadata (>= 1.4.2)
      System.Reflection.TypeExtensions (>= 4.3) - restriction: || (&& (== net48) (< net45)) (== netstandard2.0)
      System.Runtime.Loader (>= 4.0) - restriction: || (&& (== net48) (< net45)) (== netstandard2.0)
      System.Security.Cryptography.Algorithms (>= 4.3) - restriction: || (&& (== net48) (< net45)) (== netstandard2.0)
      System.ValueTuple (>= 4.3.1) - restriction: || (== net48) (&& (== netstandard2.0) (>= net45))
    FSharp.Core (4.1.18)
      System.Collections (>= 4.0.11) - restriction: || (&& (== net48) (< net20)) (== netstandard2.0)
      System.Console (>= 4.0) - restriction: || (&& (== net48) (< net20)) (== netstandard2.0)
      System.Diagnostics.Debug (>= 4.0.11) - restriction: || (&& (== net48) (< net20)) (== netstandard2.0)
      System.Diagnostics.Tools (>= 4.0.1) - restriction: || (&& (== net48) (< net20)) (== netstandard2.0)
      System.Globalization (>= 4.0.11) - restriction: || (&& (== net48) (< net20)) (== netstandard2.0)
      System.IO (>= 4.1) - restriction: || (&& (== net48) (< net20)) (== netstandard2.0)
      System.Linq (>= 4.1) - restriction: || (&& (== net48) (< net20)) (== netstandard2.0)
      System.Linq.Expressions (>= 4.1) - restriction: || (&& (== net48) (< net20)) (== netstandard2.0)
      System.Linq.Queryable (>= 4.0.1) - restriction: || (&& (== net48) (< net20)) (== netstandard2.0)
      System.Net.Requests (>= 4.0.11) - restriction: || (&& (== net48) (< net20)) (== netstandard2.0)
      System.Reflection (>= 4.1) - restriction: || (&& (== net48) (< net20)) (== netstandard2.0)
      System.Reflection.Extensions (>= 4.0.1) - restriction: || (&& (== net48) (< net20)) (== netstandard2.0)
      System.Resources.ResourceManager (>= 4.0.1) - restriction: || (&& (== net48) (< net20)) (== netstandard2.0)
      System.Runtime (>= 4.1) - restriction: || (&& (== net48) (< net20)) (== netstandard2.0)
      System.Runtime.Extensions (>= 4.1) - restriction: || (&& (== net48) (< net20)) (== netstandard2.0)
      System.Runtime.Numerics (>= 4.0.1) - restriction: || (&& (== net48) (< net20)) (== netstandard2.0)
      System.Text.RegularExpressions (>= 4.1) - restriction: || (&& (== net48) (< net20)) (== netstandard2.0)
      System.Threading (>= 4.0.11) - restriction: || (&& (== net48) (< net20)) (== netstandard2.0)
      System.Threading.Tasks (>= 4.0.11) - restriction: || (&& (== net48) (< net20)) (== netstandard2.0)
      System.Threading.Tasks.Parallel (>= 4.0.1) - restriction: || (&& (== net48) (< net20)) (== netstandard2.0)
      System.Threading.Thread (>= 4.0) - restriction: || (&& (== net48) (< net20)) (== netstandard2.0)
      System.Threading.ThreadPool (>= 4.0.10) - restriction: || (&& (== net48) (< net20)) (== netstandard2.0)
      System.Threading.Timer (>= 4.0.1) - restriction: || (&& (== net48) (< net20)) (== netstandard2.0)
    Microsoft.NETCore.Platforms (3.1) - restriction: || (&& (== net48) (< net20)) (&& (== net48) (< net45)) (&& (== net48) (>= netcoreapp1.1)) (== netstandard2.0)
    Microsoft.NETCore.Targets (3.1) - restriction: || (&& (== net48) (< net20)) (&& (== net48) (< net45)) (&& (== net48) (>= netcoreapp1.1)) (== netstandard2.0)
    Microsoft.Win32.Primitives (4.3) - restriction: || (&& (== net48) (< net45)) (== netstandard2.0)
      Microsoft.NETCore.Platforms (>= 1.1) - restriction: || (&& (== net48) (< net46)) (== netstandard2.0)
      Microsoft.NETCore.Targets (>= 1.1) - restriction: || (&& (== net48) (< net46)) (== netstandard2.0)
      System.Runtime (>= 4.3) - restriction: || (&& (== net48) (< net46)) (== netstandard2.0)
    Microsoft.Win32.Registry (4.7) - restriction: || (&& (== net48) (< net45)) (== netstandard2.0)
      System.Buffers (>= 4.5) - restriction: || (&& (== net48) (>= monoandroid) (< netstandard2.0)) (&& (== net48) (>= monotouch)) (&& (== net48) (< net46)) (&& (== net48) (>= xamarinios)) (&& (== net48) (>= xamarinmac)) (&& (== net48) (>= xamarintvos)) (&& (== net48) (>= xamarinwatchos)) (== netstandard2.0)
      System.Memory (>= 4.5.3) - restriction: || (&& (== net48) (< net46)) (&& (== net48) (>= netcoreapp2.0)) (&& (== net48) (>= uap10.1)) (== netstandard2.0)
      System.Security.AccessControl (>= 4.7)
      System.Security.Principal.Windows (>= 4.7)
    NETStandard.Library (2.0.3) - restriction: || (&& (== net48) (< net451)) (== netstandard2.0)
      Microsoft.NETCore.Platforms (>= 1.1)
    NHamcrest (2.0.1)
      NETStandard.Library (>= 1.6.1) - restriction: || (&& (== net48) (< net451)) (== netstandard2.0)
    NHamcrest.XUnit (2.0.1)
      NETStandard.Library (>= 1.6.1) - restriction: || (&& (== net48) (< net451)) (== netstandard2.0)
      NHamcrest (>= 2.0.1)
      xunit.assert (>= 2.2 < 3.0)
    runtime.debian.8-x64.runtime.native.System.Security.Cryptography.OpenSsl (4.3.3) - restriction: || (&& (== net48) (< net45)) (== netstandard2.0)
    runtime.debian.9-x64.runtime.native.System.Security.Cryptography.OpenSsl (4.3.3) - restriction: || (&& (== net48) (< net45)) (== netstandard2.0)
    runtime.fedora.23-x64.runtime.native.System.Security.Cryptography.OpenSsl (4.3.3) - restriction: || (&& (== net48) (< net45)) (== netstandard2.0)
    runtime.fedora.24-x64.runtime.native.System.Security.Cryptography.OpenSsl (4.3.3) - restriction: || (&& (== net48) (< net45)) (== netstandard2.0)
    runtime.fedora.27-x64.runtime.native.System.Security.Cryptography.OpenSsl (4.3.3) - restriction: || (&& (== net48) (< net45)) (== netstandard2.0)
    runtime.fedora.28-x64.runtime.native.System.Security.Cryptography.OpenSsl (4.3.3) - restriction: || (&& (== net48) (< net45)) (== netstandard2.0)
    runtime.native.System (4.3.1) - restriction: || (&& (== net48) (< net20)) (&& (== net48) (< net45)) (== netstandard2.0)
      Microsoft.NETCore.Platforms (>= 1.1.1)
      Microsoft.NETCore.Targets (>= 1.1.3)
    runtime.native.System.Net.Http (4.3.1) - restriction: || (&& (== net48) (< net20)) (== netstandard2.0)
      Microsoft.NETCore.Platforms (>= 1.1.1)
      Microsoft.NETCore.Targets (>= 1.1.3)
    runtime.native.System.Security.Cryptography.Apple (4.3.1) - restriction: || (&& (== net48) (< net45)) (== netstandard2.0)
      runtime.osx.10.10-x64.runtime.native.System.Security.Cryptography.Apple (>= 4.3.1)
    runtime.native.System.Security.Cryptography.OpenSsl (4.3.3) - restriction: || (&& (== net48) (< net20)) (&& (== net48) (< net45)) (== netstandard2.0)
      runtime.debian.8-x64.runtime.native.System.Security.Cryptography.OpenSsl (>= 4.3.3)
      runtime.debian.9-x64.runtime.native.System.Security.Cryptography.OpenSsl (>= 4.3.3)
      runtime.fedora.23-x64.runtime.native.System.Security.Cryptography.OpenSsl (>= 4.3.3)
      runtime.fedora.24-x64.runtime.native.System.Security.Cryptography.OpenSsl (>= 4.3.3)
      runtime.fedora.27-x64.runtime.native.System.Security.Cryptography.OpenSsl (>= 4.3.3)
      runtime.fedora.28-x64.runtime.native.System.Security.Cryptography.OpenSsl (>= 4.3.3)
      runtime.opensuse.13.2-x64.runtime.native.System.Security.Cryptography.OpenSsl (>= 4.3.3)
      runtime.opensuse.42.1-x64.runtime.native.System.Security.Cryptography.OpenSsl (>= 4.3.3)
      runtime.opensuse.42.3-x64.runtime.native.System.Security.Cryptography.OpenSsl (>= 4.3.3)
      runtime.osx.10.10-x64.runtime.native.System.Security.Cryptography.OpenSsl (>= 4.3.3)
      runtime.rhel.7-x64.runtime.native.System.Security.Cryptography.OpenSsl (>= 4.3.3)
      runtime.ubuntu.14.04-x64.runtime.native.System.Security.Cryptography.OpenSsl (>= 4.3.3)
      runtime.ubuntu.16.04-x64.runtime.native.System.Security.Cryptography.OpenSsl (>= 4.3.3)
      runtime.ubuntu.16.10-x64.runtime.native.System.Security.Cryptography.OpenSsl (>= 4.3.3)
      runtime.ubuntu.18.04-x64.runtime.native.System.Security.Cryptography.OpenSsl (>= 4.3.3)
    runtime.opensuse.13.2-x64.runtime.native.System.Security.Cryptography.OpenSsl (4.3.3) - restriction: || (&& (== net48) (< net45)) (== netstandard2.0)
    runtime.opensuse.42.1-x64.runtime.native.System.Security.Cryptography.OpenSsl (4.3.3) - restriction: || (&& (== net48) (< net45)) (== netstandard2.0)
    runtime.opensuse.42.3-x64.runtime.native.System.Security.Cryptography.OpenSsl (4.3.3) - restriction: || (&& (== net48) (< net45)) (== netstandard2.0)
    runtime.osx.10.10-x64.runtime.native.System.Security.Cryptography.Apple (4.3.1) - restriction: || (&& (== net48) (< net45)) (== netstandard2.0)
    runtime.osx.10.10-x64.runtime.native.System.Security.Cryptography.OpenSsl (4.3.3) - restriction: || (&& (== net48) (< net45)) (== netstandard2.0)
    runtime.rhel.7-x64.runtime.native.System.Security.Cryptography.OpenSsl (4.3.3) - restriction: || (&& (== net48) (< net45)) (== netstandard2.0)
    runtime.ubuntu.14.04-x64.runtime.native.System.Security.Cryptography.OpenSsl (4.3.3) - restriction: || (&& (== net48) (< net45)) (== netstandard2.0)
    runtime.ubuntu.16.04-x64.runtime.native.System.Security.Cryptography.OpenSsl (4.3.3) - restriction: || (&& (== net48) (< net45)) (== netstandard2.0)
    runtime.ubuntu.16.10-x64.runtime.native.System.Security.Cryptography.OpenSsl (4.3.3) - restriction: || (&& (== net48) (< net45)) (== netstandard2.0)
    runtime.ubuntu.18.04-x64.runtime.native.System.Security.Cryptography.OpenSsl (4.3.3) - restriction: || (&& (== net48) (< net45)) (== netstandard2.0)
    SourceLink.Create.CommandLine (2.8.3)
    System.Buffers (4.5) - restriction: || (&& (== net48) (>= monoandroid) (< netstandard2.0)) (&& (== net48) (>= monotouch)) (&& (== net48) (< net45)) (&& (== net48) (>= xamarinios)) (&& (== net48) (>= xamarinmac)) (&& (== net48) (>= xamarintvos)) (&& (== net48) (>= xamarinwatchos)) (== netstandard2.0)
    System.Collections (4.3) - restriction: || (&& (== net48) (< net20)) (&& (== net48) (< net45)) (== netstandard2.0)
      Microsoft.NETCore.Platforms (>= 1.1) - restriction: || (&& (== net48) (< net45)) (== netstandard2.0)
      Microsoft.NETCore.Targets (>= 1.1) - restriction: || (&& (== net48) (< net45)) (== netstandard2.0)
      System.Runtime (>= 4.3) - restriction: || (&& (== net48) (< net45)) (== netstandard2.0)
    System.Collections.Concurrent (4.3) - restriction: || (&& (== net48) (< net20)) (&& (== net48) (< net45)) (== netstandard2.0)
      System.Collections (>= 4.3) - restriction: || (&& (== net48) (< net45)) (== netstandard2.0)
      System.Diagnostics.Debug (>= 4.3) - restriction: || (&& (== net48) (< net45)) (== netstandard2.0)
      System.Diagnostics.Tracing (>= 4.3) - restriction: || (&& (== net48) (< net45)) (== netstandard2.0)
      System.Globalization (>= 4.3) - restriction: || (&& (== net48) (< net45)) (== netstandard2.0)
      System.Reflection (>= 4.3) - restriction: || (&& (== net48) (< net45)) (== netstandard2.0)
      System.Resources.ResourceManager (>= 4.3) - restriction: || (&& (== net48) (< net45)) (== netstandard2.0)
      System.Runtime (>= 4.3) - restriction: || (&& (== net48) (< net45)) (== netstandard2.0)
      System.Runtime.Extensions (>= 4.3) - restriction: || (&& (== net48) (< net45)) (== netstandard2.0)
      System.Threading (>= 4.3) - restriction: || (&& (== net48) (< net45)) (== netstandard2.0)
      System.Threading.Tasks (>= 4.3) - restriction: || (&& (== net48) (< net45)) (== netstandard2.0)
    System.Collections.Immutable (1.7)
      System.Memory (>= 4.5.3)
    System.Console (4.3.1) - restriction: || (&& (== net48) (< net20)) (== netstandard2.0)
      Microsoft.NETCore.Platforms (>= 1.1) - restriction: || (&& (== net48) (< net46)) (== netstandard2.0)
      Microsoft.NETCore.Targets (>= 1.1.2) - restriction: || (&& (== net48) (< net46)) (== netstandard2.0)
      System.IO (>= 4.3) - restriction: || (&& (== net48) (< net46)) (== netstandard2.0)
      System.Runtime (>= 4.3) - restriction: || (&& (== net48) (< net46)) (== netstandard2.0)
      System.Text.Encoding (>= 4.3) - restriction: || (&& (== net48) (< net46)) (== netstandard2.0)
    System.Diagnostics.Debug (4.3) - restriction: || (&& (== net48) (< net20)) (&& (== net48) (< net45)) (== netstandard2.0)
      Microsoft.NETCore.Platforms (>= 1.1) - restriction: || (&& (== net48) (< net45)) (== netstandard2.0)
      Microsoft.NETCore.Targets (>= 1.1) - restriction: || (&& (== net48) (< net45)) (== netstandard2.0)
      System.Runtime (>= 4.3) - restriction: || (&& (== net48) (< net45)) (== netstandard2.0)
    System.Diagnostics.DiagnosticSource (4.7) - restriction: || (&& (== net48) (< net20)) (== netstandard2.0)
      System.Memory (>= 4.5.3)
    System.Diagnostics.Process (4.3) - restriction: || (&& (== net48) (< net45)) (== netstandard2.0)
      Microsoft.NETCore.Platforms (>= 1.1) - restriction: || (&& (== net48) (< net46)) (== netstandard2.0)
      Microsoft.Win32.Primitives (>= 4.3) - restriction: || (&& (== net48) (< net46)) (== netstandard2.0)
      Microsoft.Win32.Registry (>= 4.3) - restriction: || (&& (== net48) (< net46)) (== netstandard2.0)
      runtime.native.System (>= 4.3) - restriction: || (&& (== net48) (< net46)) (== netstandard2.0)
      System.Collections (>= 4.3) - restriction: || (&& (== net48) (< net46)) (== netstandard2.0)
      System.Diagnostics.Debug (>= 4.3) - restriction: || (&& (== net48) (< net46)) (== netstandard2.0)
      System.Globalization (>= 4.3) - restriction: || (&& (== net48) (< net46)) (== netstandard2.0)
      System.IO (>= 4.3) - restriction: || (&& (== net48) (< net46)) (== netstandard2.0)
      System.IO.FileSystem (>= 4.3) - restriction: || (&& (== net48) (< net46)) (== netstandard2.0)
      System.IO.FileSystem.Primitives (>= 4.3) - restriction: || (&& (== net48) (< net46)) (== netstandard2.0)
      System.Resources.ResourceManager (>= 4.3) - restriction: || (&& (== net48) (< net46)) (== netstandard2.0)
      System.Runtime (>= 4.3) - restriction: || (&& (== net48) (< net46)) (== netstandard2.0)
      System.Runtime.Extensions (>= 4.3) - restriction: || (&& (== net48) (< net46)) (== netstandard2.0)
      System.Runtime.Handles (>= 4.3) - restriction: || (&& (== net48) (< net46)) (== netstandard2.0)
      System.Runtime.InteropServices (>= 4.3) - restriction: || (&& (== net48) (< net46)) (== netstandard2.0)
      System.Text.Encoding (>= 4.3) - restriction: || (&& (== net48) (< net46)) (== netstandard2.0)
      System.Text.Encoding.Extensions (>= 4.3) - restriction: || (&& (== net48) (< net46)) (== netstandard2.0)
      System.Threading (>= 4.3) - restriction: || (&& (== net48) (< net46)) (== netstandard2.0)
      System.Threading.Tasks (>= 4.3) - restriction: || (&& (== net48) (< net46)) (== netstandard2.0)
      System.Threading.Thread (>= 4.3) - restriction: || (&& (== net48) (< net46)) (== netstandard2.0)
      System.Threading.ThreadPool (>= 4.3) - restriction: || (&& (== net48) (< net46)) (== netstandard2.0)
    System.Diagnostics.Tools (4.3) - restriction: || (&& (== net48) (< net20)) (== netstandard2.0)
      Microsoft.NETCore.Platforms (>= 1.1) - restriction: || (&& (== net48) (< net45)) (== netstandard2.0)
      Microsoft.NETCore.Targets (>= 1.1) - restriction: || (&& (== net48) (< net45)) (== netstandard2.0)
      System.Runtime (>= 4.3) - restriction: || (&& (== net48) (< net45)) (== netstandard2.0)
    System.Diagnostics.TraceSource (4.3) - restriction: || (&& (== net48) (< net45)) (== netstandard2.0)
      Microsoft.NETCore.Platforms (>= 1.1) - restriction: || (&& (== net48) (< net46)) (== netstandard2.0)
      runtime.native.System (>= 4.3) - restriction: || (&& (== net48) (< net46)) (== netstandard2.0)
      System.Collections (>= 4.3) - restriction: || (&& (== net48) (< net46)) (== netstandard2.0)
      System.Diagnostics.Debug (>= 4.3) - restriction: || (&& (== net48) (< net46)) (== netstandard2.0)
      System.Globalization (>= 4.3) - restriction: || (&& (== net48) (< net46)) (== netstandard2.0)
      System.Resources.ResourceManager (>= 4.3) - restriction: || (&& (== net48) (< net46)) (== netstandard2.0)
      System.Runtime (>= 4.3) - restriction: || (&& (== net48) (< net46)) (== netstandard2.0)
      System.Runtime.Extensions (>= 4.3) - restriction: || (&& (== net48) (< net46)) (== netstandard2.0)
      System.Threading (>= 4.3) - restriction: || (&& (== net48) (< net46)) (== netstandard2.0)
    System.Diagnostics.Tracing (4.3) - restriction: || (&& (== net48) (< net20)) (== netstandard2.0)
      Microsoft.NETCore.Platforms (>= 1.1) - restriction: || (&& (== net48) (< net45)) (== netstandard2.0)
      Microsoft.NETCore.Targets (>= 1.1) - restriction: || (&& (== net48) (< net45)) (== netstandard2.0)
      System.Runtime (>= 4.3) - restriction: || (&& (== net48) (< net45)) (== netstandard2.0)
    System.Globalization (4.3) - restriction: || (&& (== net48) (< net20)) (&& (== net48) (< net45)) (== netstandard2.0)
      Microsoft.NETCore.Platforms (>= 1.1) - restriction: || (&& (== net48) (< net45)) (== netstandard2.0)
      Microsoft.NETCore.Targets (>= 1.1) - restriction: || (&& (== net48) (< net45)) (== netstandard2.0)
      System.Runtime (>= 4.3) - restriction: || (&& (== net48) (< net45)) (== netstandard2.0)
    System.Globalization.Calendars (4.3) - restriction: || (&& (== net48) (< net20)) (== netstandard2.0)
      Microsoft.NETCore.Platforms (>= 1.1) - restriction: || (&& (== net48) (< net46)) (== netstandard2.0)
      Microsoft.NETCore.Targets (>= 1.1) - restriction: || (&& (== net48) (< net46)) (== netstandard2.0)
      System.Globalization (>= 4.3) - restriction: || (&& (== net48) (< net46)) (== netstandard2.0)
      System.Runtime (>= 4.3) - restriction: || (&& (== net48) (< net46)) (== netstandard2.0)
    System.Globalization.Extensions (4.3) - restriction: || (&& (== net48) (< net20)) (== netstandard2.0)
      Microsoft.NETCore.Platforms (>= 1.1) - restriction: || (&& (== net48) (< net46)) (== netstandard2.0)
      System.Globalization (>= 4.3) - restriction: || (&& (== net48) (< net46)) (== netstandard2.0)
      System.Resources.ResourceManager (>= 4.3) - restriction: || (&& (== net48) (< net46)) (== netstandard2.0)
      System.Runtime (>= 4.3) - restriction: || (&& (== net48) (< net46)) (== netstandard2.0)
      System.Runtime.Extensions (>= 4.3) - restriction: || (&& (== net48) (< net46)) (== netstandard2.0)
      System.Runtime.InteropServices (>= 4.3) - restriction: || (&& (== net48) (< net46)) (== netstandard2.0)
    System.IO (4.3) - restriction: || (&& (== net48) (< net20)) (&& (== net48) (< net45)) (== netstandard2.0)
      Microsoft.NETCore.Platforms (>= 1.1) - restriction: || (&& (== net48) (< net45)) (== netstandard2.0)
      Microsoft.NETCore.Targets (>= 1.1) - restriction: || (&& (== net48) (< net45)) (== netstandard2.0)
      System.Runtime (>= 4.3) - restriction: || (&& (== net48) (< net45)) (== netstandard2.0)
      System.Text.Encoding (>= 4.3) - restriction: || (&& (== net48) (< net45)) (== netstandard2.0)
      System.Threading.Tasks (>= 4.3) - restriction: || (&& (== net48) (< net45)) (== netstandard2.0)
    System.IO.FileSystem (4.3) - restriction: || (&& (== net48) (< net20)) (&& (== net48) (< net45)) (== netstandard2.0)
      Microsoft.NETCore.Platforms (>= 1.1) - restriction: || (&& (== net48) (< net46)) (== netstandard2.0)
      Microsoft.NETCore.Targets (>= 1.1) - restriction: || (&& (== net48) (< net46)) (== netstandard2.0)
      System.IO (>= 4.3) - restriction: || (&& (== net48) (< net46)) (== netstandard2.0)
      System.IO.FileSystem.Primitives (>= 4.3)
      System.Runtime (>= 4.3) - restriction: || (&& (== net48) (< net46)) (== netstandard2.0)
      System.Runtime.Handles (>= 4.3) - restriction: || (&& (== net48) (< net46)) (== netstandard2.0)
      System.Text.Encoding (>= 4.3) - restriction: || (&& (== net48) (< net46)) (== netstandard2.0)
      System.Threading.Tasks (>= 4.3) - restriction: || (&& (== net48) (< net46)) (== netstandard2.0)
    System.IO.FileSystem.Primitives (4.3) - restriction: || (&& (== net48) (< net20)) (&& (== net48) (< net45)) (== netstandard2.0)
      System.Runtime (>= 4.3) - restriction: || (&& (== net48) (< net46)) (== netstandard2.0)
    System.Linq (4.3) - restriction: || (&& (== net48) (< net20)) (&& (== net48) (< net45)) (== netstandard2.0)
      System.Collections (>= 4.3) - restriction: || (&& (== net48) (< net45)) (== netstandard2.0)
      System.Diagnostics.Debug (>= 4.3) - restriction: || (&& (== net48) (< net45)) (== netstandard2.0)
      System.Resources.ResourceManager (>= 4.3) - restriction: || (&& (== net48) (< net45)) (== netstandard2.0)
      System.Runtime (>= 4.3) - restriction: || (&& (== net48) (< net45)) (== netstandard2.0)
      System.Runtime.Extensions (>= 4.3) - restriction: || (&& (== net48) (< net45)) (== netstandard2.0)
    System.Linq.Expressions (4.3) - restriction: || (&& (== net48) (< net20)) (== netstandard2.0)
      System.Collections (>= 4.3) - restriction: || (&& (== net48) (< net45)) (== netstandard2.0)
      System.Diagnostics.Debug (>= 4.3) - restriction: || (&& (== net48) (< net45)) (== netstandard2.0)
      System.Globalization (>= 4.3) - restriction: || (&& (== net48) (< net45)) (== netstandard2.0)
      System.IO (>= 4.3) - restriction: || (&& (== net48) (< net45)) (== netstandard2.0)
      System.Linq (>= 4.3) - restriction: || (&& (== net48) (< net45)) (== netstandard2.0)
      System.ObjectModel (>= 4.3) - restriction: || (&& (== net48) (< net45)) (== netstandard2.0)
      System.Reflection (>= 4.3) - restriction: || (&& (== net48) (< net45)) (== netstandard2.0)
      System.Reflection.Emit (>= 4.3) - restriction: || (&& (== net48) (< net45)) (== netstandard2.0)
      System.Reflection.Emit.ILGeneration (>= 4.3) - restriction: || (&& (== net48) (< net45)) (== netstandard2.0)
      System.Reflection.Emit.Lightweight (>= 4.3) - restriction: || (&& (== net48) (< net45)) (== netstandard2.0)
      System.Reflection.Extensions (>= 4.3) - restriction: || (&& (== net48) (< net45)) (== netstandard2.0)
      System.Reflection.Primitives (>= 4.3) - restriction: || (&& (== net48) (< net45)) (== netstandard2.0)
      System.Reflection.TypeExtensions (>= 4.3) - restriction: || (&& (== net48) (< net45)) (== netstandard2.0)
      System.Resources.ResourceManager (>= 4.3) - restriction: || (&& (== net48) (< net45)) (== netstandard2.0)
      System.Runtime (>= 4.3) - restriction: || (&& (== net48) (< net45)) (== netstandard2.0)
      System.Runtime.Extensions (>= 4.3) - restriction: || (&& (== net48) (< net45)) (== netstandard2.0)
      System.Threading (>= 4.3) - restriction: || (&& (== net48) (< net45)) (== netstandard2.0)
    System.Linq.Queryable (4.3) - restriction: || (&& (== net48) (< net20)) (== netstandard2.0)
      System.Collections (>= 4.3) - restriction: || (&& (== net48) (< net45)) (== netstandard2.0)
      System.Diagnostics.Debug (>= 4.3) - restriction: || (&& (== net48) (< net45)) (== netstandard2.0)
      System.Linq (>= 4.3) - restriction: || (&& (== net48) (< net45)) (== netstandard2.0)
      System.Linq.Expressions (>= 4.3) - restriction: || (&& (== net48) (< net45)) (== netstandard2.0)
      System.Reflection (>= 4.3) - restriction: || (&& (== net48) (< net45)) (== netstandard2.0)
      System.Reflection.Extensions (>= 4.3) - restriction: || (&& (== net48) (< net45)) (== netstandard2.0)
      System.Resources.ResourceManager (>= 4.3) - restriction: || (&& (== net48) (< net45)) (== netstandard2.0)
      System.Runtime (>= 4.3) - restriction: || (&& (== net48) (< net45)) (== netstandard2.0)
    System.Memory (4.5.3)
      System.Buffers (>= 4.4)
      System.Numerics.Vectors (>= 4.4)
      System.Runtime.CompilerServices.Unsafe (>= 4.5.2)
    System.Net.Http (4.3.4) - restriction: || (&& (== net48) (< net20)) (== netstandard2.0)
      Microsoft.NETCore.Platforms (>= 1.1.1) - restriction: || (&& (== net48) (< net45)) (== netstandard2.0)
      runtime.native.System (>= 4.3) - restriction: || (&& (== net48) (< net45)) (== netstandard2.0)
      runtime.native.System.Net.Http (>= 4.3) - restriction: || (&& (== net48) (< net45)) (== netstandard2.0)
      runtime.native.System.Security.Cryptography.OpenSsl (>= 4.3.2) - restriction: || (&& (== net48) (< net45)) (== netstandard2.0)
      System.Collections (>= 4.3) - restriction: || (&& (== net48) (< net45)) (== netstandard2.0)
      System.Diagnostics.Debug (>= 4.3) - restriction: || (&& (== net48) (< net45)) (== netstandard2.0)
      System.Diagnostics.DiagnosticSource (>= 4.3) - restriction: || (&& (== net48) (< net45)) (== netstandard2.0)
      System.Diagnostics.Tracing (>= 4.3) - restriction: || (&& (== net48) (< net45)) (== netstandard2.0)
      System.Globalization (>= 4.3) - restriction: || (&& (== net48) (< net45)) (== netstandard2.0)
      System.Globalization.Extensions (>= 4.3) - restriction: || (&& (== net48) (< net45)) (== netstandard2.0)
      System.IO (>= 4.3) - restriction: || (&& (== net48) (< net45)) (== netstandard2.0)
      System.IO.FileSystem (>= 4.3) - restriction: || (&& (== net48) (< net45)) (== netstandard2.0)
      System.Net.Primitives (>= 4.3) - restriction: || (&& (== net48) (< net45)) (== netstandard2.0)
      System.Resources.ResourceManager (>= 4.3) - restriction: || (&& (== net48) (< net45)) (== netstandard2.0)
      System.Runtime (>= 4.3) - restriction: || (&& (== net48) (< net45)) (== netstandard2.0)
      System.Runtime.Extensions (>= 4.3) - restriction: || (&& (== net48) (< net45)) (== netstandard2.0)
      System.Runtime.Handles (>= 4.3) - restriction: || (&& (== net48) (< net45)) (== netstandard2.0)
      System.Runtime.InteropServices (>= 4.3) - restriction: || (&& (== net48) (< net45)) (== netstandard2.0)
      System.Security.Cryptography.Algorithms (>= 4.3) - restriction: || (&& (== net48) (< net45)) (== netstandard2.0)
      System.Security.Cryptography.Encoding (>= 4.3) - restriction: || (&& (== net48) (< net45)) (== netstandard2.0)
      System.Security.Cryptography.OpenSsl (>= 4.3) - restriction: || (&& (== net48) (< net45)) (== netstandard2.0)
      System.Security.Cryptography.Primitives (>= 4.3) - restriction: || (&& (== net48) (< net45)) (== netstandard2.0)
      System.Security.Cryptography.X509Certificates (>= 4.3)
      System.Text.Encoding (>= 4.3) - restriction: || (&& (== net48) (< net45)) (== netstandard2.0)
      System.Threading (>= 4.3) - restriction: || (&& (== net48) (< net45)) (== netstandard2.0)
      System.Threading.Tasks (>= 4.3) - restriction: || (&& (== net48) (< net45)) (== netstandard2.0)
    System.Net.Primitives (4.3.1) - restriction: || (&& (== net48) (< net20)) (== netstandard2.0)
      Microsoft.NETCore.Platforms (>= 1.1.1) - restriction: || (&& (== net48) (< net45)) (&& (== net48) (< netstandard1.1)) (== netstandard2.0)
      Microsoft.NETCore.Targets (>= 1.1.3) - restriction: || (&& (== net48) (< net45)) (&& (== net48) (< netstandard1.1)) (== netstandard2.0)
      System.Runtime (>= 4.3.1) - restriction: || (&& (== net48) (< net45)) (&& (== net48) (< netstandard1.1)) (== netstandard2.0)
      System.Runtime.Handles (>= 4.3) - restriction: || (&& (== net48) (< net45)) (== netstandard2.0)
    System.Net.Requests (4.3) - restriction: || (&& (== net48) (< net20)) (== netstandard2.0)
      Microsoft.NETCore.Platforms (>= 1.1) - restriction: || (&& (== net48) (< net45)) (== netstandard2.0)
      System.Collections (>= 4.3) - restriction: || (&& (== net48) (< net45)) (== netstandard2.0)
      System.Diagnostics.Debug (>= 4.3) - restriction: || (&& (== net48) (< net45)) (== netstandard2.0)
      System.Diagnostics.Tracing (>= 4.3) - restriction: || (&& (== net48) (< net45)) (== netstandard2.0)
      System.Globalization (>= 4.3) - restriction: || (&& (== net48) (< net45)) (== netstandard2.0)
      System.IO (>= 4.3) - restriction: || (&& (== net48) (< net45)) (&& (== net48) (< netstandard1.1)) (== netstandard2.0)
      System.Net.Http (>= 4.3) - restriction: || (&& (== net48) (< net45)) (== netstandard2.0)
      System.Net.Primitives (>= 4.3) - restriction: || (&& (== net48) (< net45)) (&& (== net48) (< netstandard1.1)) (== netstandard2.0)
      System.Net.WebHeaderCollection (>= 4.3) - restriction: || (&& (== net48) (< net45)) (== netstandard2.0)
      System.Resources.ResourceManager (>= 4.3) - restriction: || (&& (== net48) (< net45)) (== netstandard2.0)
      System.Runtime (>= 4.3) - restriction: || (&& (== net48) (< net45)) (&& (== net48) (< netstandard1.1)) (== netstandard2.0)
      System.Threading (>= 4.3) - restriction: || (&& (== net48) (< net45)) (== netstandard2.0)
      System.Threading.Tasks (>= 4.3) - restriction: || (&& (== net48) (< net45)) (== netstandard2.0)
    System.Net.WebHeaderCollection (4.3) - restriction: || (&& (== net48) (< net20)) (== netstandard2.0)
      System.Collections (>= 4.3) - restriction: || (&& (== net48) (< net46)) (== netstandard2.0)
      System.Resources.ResourceManager (>= 4.3) - restriction: || (&& (== net48) (< net46)) (== netstandard2.0)
      System.Runtime (>= 4.3) - restriction: || (&& (== net48) (< net46)) (== netstandard2.0)
      System.Runtime.Extensions (>= 4.3) - restriction: || (&& (== net48) (< net46)) (== netstandard2.0)
    System.Numerics.Vectors (4.5) - restriction: || (&& (== net48) (< net45)) (&& (== net48) (>= netcoreapp2.0)) (&& (== net48) (>= uap10.1)) (== netstandard2.0)
    System.ObjectModel (4.3) - restriction: || (&& (== net48) (< net20)) (== netstandard2.0)
      System.Collections (>= 4.3) - restriction: || (&& (== net48) (< net45)) (== netstandard2.0)
      System.Diagnostics.Debug (>= 4.3) - restriction: || (&& (== net48) (< net45)) (== netstandard2.0)
      System.Resources.ResourceManager (>= 4.3) - restriction: || (&& (== net48) (< net45)) (== netstandard2.0)
      System.Runtime (>= 4.3) - restriction: || (&& (== net48) (< net45)) (== netstandard2.0)
      System.Threading (>= 4.3) - restriction: || (&& (== net48) (< net45)) (== netstandard2.0)
    System.Reflection (4.3) - restriction: || (&& (== net48) (< net20)) (&& (== net48) (< net45)) (== netstandard2.0)
      Microsoft.NETCore.Platforms (>= 1.1) - restriction: || (&& (== net48) (< net45)) (== netstandard2.0)
      Microsoft.NETCore.Targets (>= 1.1) - restriction: || (&& (== net48) (< net45)) (== netstandard2.0)
      System.IO (>= 4.3) - restriction: || (&& (== net48) (< net45)) (== netstandard2.0)
      System.Reflection.Primitives (>= 4.3) - restriction: || (&& (== net48) (< net45)) (== netstandard2.0)
      System.Runtime (>= 4.3) - restriction: || (&& (== net48) (< net45)) (== netstandard2.0)
    System.Reflection.Emit (4.7) - restriction: || (&& (== net48) (< net20)) (&& (== net48) (< net45)) (== netstandard2.0)
      System.Reflection.Emit.ILGeneration (>= 4.7) - restriction: || (&& (== net48) (< net45)) (&& (== net48) (< netstandard1.1)) (&& (== net48) (< netstandard2.0) (>= wpa81)) (&& (== net48) (>= uap10.1)) (== netstandard2.0)
    System.Reflection.Emit.ILGeneration (4.7) - restriction: || (&& (== net48) (< net20)) (&& (== net48) (< net45)) (&& (== net48) (< netstandard1.1)) (&& (== net48) (< netstandard2.0) (>= wpa81)) (&& (== net48) (< portable-net45+wp8) (>= win8)) (&& (== net48) (>= uap10.1)) (== netstandard2.0)
    System.Reflection.Emit.Lightweight (4.7) - restriction: || (&& (== net48) (< net20)) (== netstandard2.0)
      System.Reflection.Emit.ILGeneration (>= 4.7) - restriction: || (&& (== net48) (< net45)) (&& (== net48) (< netstandard2.0) (>= wpa81)) (&& (== net48) (< portable-net45+wp8)) (&& (== net48) (>= uap10.1)) (== netstandard2.0)
    System.Reflection.Extensions (4.3) - restriction: || (&& (== net48) (< net20)) (== netstandard2.0)
      Microsoft.NETCore.Platforms (>= 1.1) - restriction: || (&& (== net48) (< net45)) (== netstandard2.0)
      Microsoft.NETCore.Targets (>= 1.1) - restriction: || (&& (== net48) (< net45)) (== netstandard2.0)
      System.Reflection (>= 4.3) - restriction: || (&& (== net48) (< net45)) (== netstandard2.0)
      System.Runtime (>= 4.3) - restriction: || (&& (== net48) (< net45)) (== netstandard2.0)
    System.Reflection.Metadata (1.8)
      System.Collections.Immutable (>= 1.7)
    System.Reflection.Primitives (4.3) - restriction: || (&& (== net48) (< net20)) (&& (== net48) (< net45)) (&& (== net48) (>= netcoreapp1.1)) (== netstandard2.0)
      Microsoft.NETCore.Platforms (>= 1.1) - restriction: || (&& (== net48) (< net45)) (== netstandard2.0)
      Microsoft.NETCore.Targets (>= 1.1) - restriction: || (&& (== net48) (< net45)) (== netstandard2.0)
      System.Runtime (>= 4.3) - restriction: || (&& (== net48) (< net45)) (== netstandard2.0)
    System.Reflection.TypeExtensions (4.7) - restriction: || (&& (== net48) (< net20)) (&& (== net48) (< net45)) (== netstandard2.0)
    System.Resources.ResourceManager (4.3) - restriction: || (&& (== net48) (< net20)) (&& (== net48) (< net45)) (== netstandard2.0)
      Microsoft.NETCore.Platforms (>= 1.1) - restriction: || (&& (== net48) (< net45)) (== netstandard2.0)
      Microsoft.NETCore.Targets (>= 1.1) - restriction: || (&& (== net48) (< net45)) (== netstandard2.0)
      System.Globalization (>= 4.3) - restriction: || (&& (== net48) (< net45)) (== netstandard2.0)
      System.Reflection (>= 4.3) - restriction: || (&& (== net48) (< net45)) (== netstandard2.0)
      System.Runtime (>= 4.3) - restriction: || (&& (== net48) (< net45)) (== netstandard2.0)
    System.Runtime (4.3.1) - restriction: || (&& (== net48) (< net20)) (&& (== net48) (< net45)) (&& (== net48) (>= netcoreapp1.1)) (== netstandard2.0)
      Microsoft.NETCore.Platforms (>= 1.1.1) - restriction: || (&& (== net48) (< net45)) (== netstandard2.0)
      Microsoft.NETCore.Targets (>= 1.1.3) - restriction: || (&& (== net48) (< net45)) (== netstandard2.0)
    System.Runtime.CompilerServices.Unsafe (4.7) - restriction: || (&& (== net48) (>= monoandroid) (< netstandard2.0)) (&& (== net48) (>= monotouch)) (&& (== net48) (< net45)) (&& (== net48) (>= netcoreapp2.0)) (&& (== net48) (< netstandard1.1)) (&& (== net48) (< netstandard2.0) (>= wpa81)) (&& (== net48) (>= uap10.1)) (&& (== net48) (>= xamarinios)) (&& (== net48) (>= xamarinmac)) (&& (== net48) (>= xamarintvos)) (&& (== net48) (>= xamarinwatchos)) (== netstandard2.0)
    System.Runtime.Extensions (4.3.1) - restriction: || (&& (== net48) (< net20)) (&& (== net48) (< net45)) (== netstandard2.0)
      Microsoft.NETCore.Platforms (>= 1.1.1) - restriction: || (&& (== net48) (< net45)) (== netstandard2.0)
      Microsoft.NETCore.Targets (>= 1.1.3) - restriction: || (&& (== net48) (< net45)) (== netstandard2.0)
      System.Runtime (>= 4.3.1) - restriction: || (&& (== net48) (< net45)) (== netstandard2.0)
    System.Runtime.Handles (4.3) - restriction: || (&& (== net48) (< net20)) (&& (== net48) (< net45)) (== netstandard2.0)
      Microsoft.NETCore.Platforms (>= 1.1) - restriction: || (&& (== net48) (< net46)) (== netstandard2.0)
      Microsoft.NETCore.Targets (>= 1.1) - restriction: || (&& (== net48) (< net46)) (== netstandard2.0)
      System.Runtime (>= 4.3) - restriction: || (&& (== net48) (< net46)) (== netstandard2.0)
    System.Runtime.InteropServices (4.3) - restriction: || (&& (== net48) (< net20)) (&& (== net48) (< net45)) (== netstandard2.0)
      Microsoft.NETCore.Platforms (>= 1.1) - restriction: || (&& (== net48) (< net45)) (&& (== net48) (>= netcoreapp1.1)) (== netstandard2.0)
      Microsoft.NETCore.Targets (>= 1.1) - restriction: || (&& (== net48) (< net45)) (&& (== net48) (>= netcoreapp1.1)) (== netstandard2.0)
      System.Reflection (>= 4.3) - restriction: || (&& (== net48) (< net45)) (&& (== net48) (>= netcoreapp1.1)) (== netstandard2.0)
      System.Reflection.Primitives (>= 4.3) - restriction: || (&& (== net48) (< net45)) (&& (== net48) (>= netcoreapp1.1)) (== netstandard2.0)
      System.Runtime (>= 4.3)
      System.Runtime.Handles (>= 4.3) - restriction: || (&& (== net48) (< net45)) (&& (== net48) (>= netcoreapp1.1)) (== netstandard2.0)
    System.Runtime.Loader (4.3) - restriction: || (&& (== net48) (< net45)) (== netstandard2.0)
      System.IO (>= 4.3) - restriction: || (&& (== net48) (< net462)) (== netstandard2.0)
      System.Reflection (>= 4.3) - restriction: || (&& (== net48) (< net462)) (== netstandard2.0)
      System.Runtime (>= 4.3) - restriction: || (&& (== net48) (< net462)) (== netstandard2.0)
    System.Runtime.Numerics (4.3) - restriction: || (&& (== net48) (< net20)) (&& (== net48) (< net45)) (== netstandard2.0)
      System.Globalization (>= 4.3) - restriction: || (&& (== net48) (< net45)) (== netstandard2.0)
      System.Resources.ResourceManager (>= 4.3) - restriction: || (&& (== net48) (< net45)) (== netstandard2.0)
      System.Runtime (>= 4.3) - restriction: || (&& (== net48) (< net45)) (== netstandard2.0)
      System.Runtime.Extensions (>= 4.3) - restriction: || (&& (== net48) (< net45)) (== netstandard2.0)
    System.Security.AccessControl (4.7) - restriction: || (&& (== net48) (>= monoandroid) (< netstandard2.0)) (&& (== net48) (>= monotouch)) (&& (== net48) (< net45)) (&& (== net48) (>= netcoreapp2.0)) (&& (== net48) (>= xamarinios)) (&& (== net48) (>= xamarinmac)) (&& (== net48) (>= xamarintvos)) (&& (== net48) (>= xamarinwatchos)) (== netstandard2.0)
      System.Security.Principal.Windows (>= 4.7)
    System.Security.Cryptography.Algorithms (4.3.1) - restriction: || (&& (== net48) (< net20)) (&& (== net48) (< net45)) (== netstandard2.0)
      Microsoft.NETCore.Platforms (>= 1.1) - restriction: || (&& (== net48) (< net46)) (== netstandard2.0)
      runtime.native.System.Security.Cryptography.Apple (>= 4.3.1) - restriction: || (&& (== net48) (< net46)) (== netstandard2.0)
      runtime.native.System.Security.Cryptography.OpenSsl (>= 4.3.2) - restriction: || (&& (== net48) (< net46)) (== netstandard2.0)
      System.Collections (>= 4.3) - restriction: || (&& (== net48) (< net46)) (== netstandard2.0)
      System.IO (>= 4.3)
      System.Resources.ResourceManager (>= 4.3) - restriction: || (&& (== net48) (< net46)) (== netstandard2.0)
      System.Runtime (>= 4.3)
      System.Runtime.Extensions (>= 4.3) - restriction: || (&& (== net48) (< net46)) (== netstandard2.0)
      System.Runtime.Handles (>= 4.3) - restriction: || (&& (== net48) (< net46)) (== netstandard2.0)
      System.Runtime.InteropServices (>= 4.3) - restriction: || (&& (== net48) (< net46)) (== netstandard2.0)
      System.Runtime.Numerics (>= 4.3) - restriction: || (&& (== net48) (< net46)) (== netstandard2.0)
      System.Security.Cryptography.Encoding (>= 4.3)
      System.Security.Cryptography.Primitives (>= 4.3)
      System.Text.Encoding (>= 4.3) - restriction: || (&& (== net48) (< net46)) (== netstandard2.0)
    System.Security.Cryptography.Cng (4.7) - restriction: || (&& (== net48) (< net20)) (== netstandard2.0)
    System.Security.Cryptography.Csp (4.3) - restriction: || (&& (== net48) (< net20)) (== netstandard2.0)
      Microsoft.NETCore.Platforms (>= 1.1) - restriction: || (&& (== net48) (< net46)) (== netstandard2.0)
      System.IO (>= 4.3) - restriction: || (&& (== net48) (< net46)) (== netstandard2.0)
      System.Reflection (>= 4.3) - restriction: || (&& (== net48) (< net46)) (== netstandard2.0)
      System.Resources.ResourceManager (>= 4.3) - restriction: || (&& (== net48) (< net46)) (== netstandard2.0)
      System.Runtime (>= 4.3) - restriction: || (&& (== net48) (< net46)) (== netstandard2.0)
      System.Runtime.Extensions (>= 4.3) - restriction: || (&& (== net48) (< net46)) (== netstandard2.0)
      System.Runtime.Handles (>= 4.3) - restriction: || (&& (== net48) (< net46)) (== netstandard2.0)
      System.Runtime.InteropServices (>= 4.3) - restriction: || (&& (== net48) (< net46)) (== netstandard2.0)
      System.Security.Cryptography.Algorithms (>= 4.3)
      System.Security.Cryptography.Encoding (>= 4.3) - restriction: || (&& (== net48) (< net46)) (== netstandard2.0)
      System.Security.Cryptography.Primitives (>= 4.3)
      System.Text.Encoding (>= 4.3) - restriction: || (&& (== net48) (< net46)) (== netstandard2.0)
      System.Threading (>= 4.3) - restriction: || (&& (== net48) (< net46)) (== netstandard2.0)
    System.Security.Cryptography.Encoding (4.3) - restriction: || (&& (== net48) (< net20)) (&& (== net48) (< net45)) (== netstandard2.0)
      Microsoft.NETCore.Platforms (>= 1.1) - restriction: || (&& (== net48) (< net46)) (== netstandard2.0)
      runtime.native.System.Security.Cryptography.OpenSsl (>= 4.3) - restriction: || (&& (== net48) (< net46)) (== netstandard2.0)
      System.Collections (>= 4.3) - restriction: || (&& (== net48) (< net46)) (== netstandard2.0)
      System.Collections.Concurrent (>= 4.3) - restriction: || (&& (== net48) (< net46)) (== netstandard2.0)
      System.Linq (>= 4.3) - restriction: || (&& (== net48) (< net46)) (== netstandard2.0)
      System.Resources.ResourceManager (>= 4.3) - restriction: || (&& (== net48) (< net46)) (== netstandard2.0)
      System.Runtime (>= 4.3) - restriction: || (&& (== net48) (< net46)) (== netstandard2.0)
      System.Runtime.Extensions (>= 4.3) - restriction: || (&& (== net48) (< net46)) (== netstandard2.0)
      System.Runtime.Handles (>= 4.3) - restriction: || (&& (== net48) (< net46)) (== netstandard2.0)
      System.Runtime.InteropServices (>= 4.3) - restriction: || (&& (== net48) (< net46)) (== netstandard2.0)
      System.Security.Cryptography.Primitives (>= 4.3) - restriction: || (&& (== net48) (< net46)) (== netstandard2.0)
      System.Text.Encoding (>= 4.3) - restriction: || (&& (== net48) (< net46)) (== netstandard2.0)
    System.Security.Cryptography.OpenSsl (4.7) - restriction: || (&& (== net48) (< net20)) (== netstandard2.0)
    System.Security.Cryptography.Primitives (4.3) - restriction: || (&& (== net48) (< net20)) (&& (== net48) (< net45)) (== netstandard2.0)
      System.Diagnostics.Debug (>= 4.3) - restriction: || (&& (== net48) (< net46)) (== netstandard2.0)
      System.Globalization (>= 4.3) - restriction: || (&& (== net48) (< net46)) (== netstandard2.0)
      System.IO (>= 4.3) - restriction: || (&& (== net48) (< net46)) (== netstandard2.0)
      System.Resources.ResourceManager (>= 4.3) - restriction: || (&& (== net48) (< net46)) (== netstandard2.0)
      System.Runtime (>= 4.3) - restriction: || (&& (== net48) (< net46)) (== netstandard2.0)
      System.Threading (>= 4.3) - restriction: || (&& (== net48) (< net46)) (== netstandard2.0)
      System.Threading.Tasks (>= 4.3) - restriction: || (&& (== net48) (< net46)) (== netstandard2.0)
    System.Security.Cryptography.X509Certificates (4.3.2) - restriction: || (&& (== net48) (< net20)) (== netstandard2.0)
      Microsoft.NETCore.Platforms (>= 1.1) - restriction: || (&& (== net48) (< net46)) (== netstandard2.0)
      runtime.native.System (>= 4.3) - restriction: || (&& (== net48) (< net46)) (== netstandard2.0)
      runtime.native.System.Net.Http (>= 4.3) - restriction: || (&& (== net48) (< net46)) (== netstandard2.0)
      runtime.native.System.Security.Cryptography.OpenSsl (>= 4.3.2) - restriction: || (&& (== net48) (< net46)) (== netstandard2.0)
      System.Collections (>= 4.3) - restriction: || (&& (== net48) (< net46)) (== netstandard2.0)
      System.Diagnostics.Debug (>= 4.3) - restriction: || (&& (== net48) (< net46)) (== netstandard2.0)
      System.Globalization (>= 4.3) - restriction: || (&& (== net48) (< net46)) (== netstandard2.0)
      System.Globalization.Calendars (>= 4.3) - restriction: || (&& (== net48) (< net46)) (== netstandard2.0)
      System.IO (>= 4.3) - restriction: || (&& (== net48) (< net46)) (== netstandard2.0)
      System.IO.FileSystem (>= 4.3) - restriction: || (&& (== net48) (< net46)) (== netstandard2.0)
      System.IO.FileSystem.Primitives (>= 4.3) - restriction: || (&& (== net48) (< net46)) (== netstandard2.0)
      System.Resources.ResourceManager (>= 4.3) - restriction: || (&& (== net48) (< net46)) (== netstandard2.0)
      System.Runtime (>= 4.3) - restriction: || (&& (== net48) (< net46)) (== netstandard2.0)
      System.Runtime.Extensions (>= 4.3) - restriction: || (&& (== net48) (< net46)) (== netstandard2.0)
      System.Runtime.Handles (>= 4.3) - restriction: || (&& (== net48) (< net46)) (== netstandard2.0)
      System.Runtime.InteropServices (>= 4.3) - restriction: || (&& (== net48) (< net46)) (== netstandard2.0)
      System.Runtime.Numerics (>= 4.3) - restriction: || (&& (== net48) (< net46)) (== netstandard2.0)
      System.Security.Cryptography.Algorithms (>= 4.3)
      System.Security.Cryptography.Cng (>= 4.3) - restriction: || (&& (== net48) (< net46)) (== netstandard2.0)
      System.Security.Cryptography.Csp (>= 4.3) - restriction: || (&& (== net48) (< net46)) (== netstandard2.0)
      System.Security.Cryptography.Encoding (>= 4.3)
      System.Security.Cryptography.OpenSsl (>= 4.3) - restriction: || (&& (== net48) (< net46)) (== netstandard2.0)
      System.Security.Cryptography.Primitives (>= 4.3) - restriction: || (&& (== net48) (< net46)) (== netstandard2.0)
      System.Text.Encoding (>= 4.3) - restriction: || (&& (== net48) (< net46)) (== netstandard2.0)
      System.Threading (>= 4.3) - restriction: || (&& (== net48) (< net46)) (== netstandard2.0)
    System.Security.Principal.Windows (4.7) - restriction: || (&& (== net48) (>= monoandroid) (< netstandard2.0)) (&& (== net48) (>= monotouch)) (&& (== net48) (< net45)) (&& (== net48) (>= netcoreapp2.0)) (&& (== net48) (>= xamarinios)) (&& (== net48) (>= xamarinmac)) (&& (== net48) (>= xamarintvos)) (&& (== net48) (>= xamarinwatchos)) (== netstandard2.0)
    System.Text.Encoding (4.3) - restriction: || (&& (== net48) (< net20)) (&& (== net48) (< net45)) (== netstandard2.0)
      Microsoft.NETCore.Platforms (>= 1.1) - restriction: || (&& (== net48) (< net45)) (== netstandard2.0)
      Microsoft.NETCore.Targets (>= 1.1) - restriction: || (&& (== net48) (< net45)) (== netstandard2.0)
      System.Runtime (>= 4.3) - restriction: || (&& (== net48) (< net45)) (== netstandard2.0)
    System.Text.Encoding.Extensions (4.3) - restriction: || (&& (== net48) (< net45)) (== netstandard2.0)
      Microsoft.NETCore.Platforms (>= 1.1) - restriction: || (&& (== net48) (< net45)) (== netstandard2.0)
      Microsoft.NETCore.Targets (>= 1.1) - restriction: || (&& (== net48) (< net45)) (== netstandard2.0)
      System.Runtime (>= 4.3) - restriction: || (&& (== net48) (< net45)) (== netstandard2.0)
      System.Text.Encoding (>= 4.3) - restriction: || (&& (== net48) (< net45)) (== netstandard2.0)
    System.Text.RegularExpressions (4.3.1) - restriction: || (&& (== net48) (< net20)) (== netstandard2.0)
      System.Collections (>= 4.3) - restriction: || (&& (== net48) (< net45)) (== netstandard2.0)
      System.Globalization (>= 4.3) - restriction: || (&& (== net48) (< net45)) (== netstandard2.0)
      System.Resources.ResourceManager (>= 4.3) - restriction: || (&& (== net48) (< net45)) (== netstandard2.0)
      System.Runtime (>= 4.3.1) - restriction: || (&& (== net48) (< net45)) (&& (== net48) (>= netcoreapp1.1)) (== netstandard2.0)
      System.Runtime.Extensions (>= 4.3.1) - restriction: || (&& (== net48) (< net45)) (== netstandard2.0)
      System.Threading (>= 4.3) - restriction: || (&& (== net48) (< net45)) (== netstandard2.0)
    System.Threading (4.3) - restriction: || (&& (== net48) (< net20)) (&& (== net48) (< net45)) (== netstandard2.0)
      System.Runtime (>= 4.3) - restriction: || (&& (== net48) (< net45)) (== netstandard2.0)
      System.Threading.Tasks (>= 4.3) - restriction: || (&& (== net48) (< net45)) (== netstandard2.0)
    System.Threading.Tasks (4.3) - restriction: || (&& (== net48) (< net20)) (&& (== net48) (< net45)) (== netstandard2.0)
      Microsoft.NETCore.Platforms (>= 1.1) - restriction: || (&& (== net48) (< net45)) (== netstandard2.0)
      Microsoft.NETCore.Targets (>= 1.1) - restriction: || (&& (== net48) (< net45)) (== netstandard2.0)
      System.Runtime (>= 4.3) - restriction: || (&& (== net48) (< net45)) (== netstandard2.0)
    System.Threading.Tasks.Parallel (4.3) - restriction: || (&& (== net48) (< net20)) (== netstandard2.0)
      System.Collections.Concurrent (>= 4.3) - restriction: || (&& (== net48) (< net45)) (== netstandard2.0)
      System.Diagnostics.Debug (>= 4.3) - restriction: || (&& (== net48) (< net45)) (== netstandard2.0)
      System.Diagnostics.Tracing (>= 4.3) - restriction: || (&& (== net48) (< net45)) (== netstandard2.0)
      System.Resources.ResourceManager (>= 4.3) - restriction: || (&& (== net48) (< net45)) (== netstandard2.0)
      System.Runtime (>= 4.3) - restriction: || (&& (== net48) (< net45)) (== netstandard2.0)
      System.Runtime.Extensions (>= 4.3) - restriction: || (&& (== net48) (< net45)) (== netstandard2.0)
      System.Threading (>= 4.3) - restriction: || (&& (== net48) (< net45)) (== netstandard2.0)
      System.Threading.Tasks (>= 4.3) - restriction: || (&& (== net48) (< net45)) (== netstandard2.0)
    System.Threading.Thread (4.3) - restriction: || (&& (== net48) (< net20)) (&& (== net48) (< net45)) (== netstandard2.0)
      System.Runtime (>= 4.3) - restriction: || (&& (== net48) (< net46)) (== netstandard2.0)
    System.Threading.ThreadPool (4.3) - restriction: || (&& (== net48) (< net20)) (&& (== net48) (< net45)) (== netstandard2.0)
      System.Runtime (>= 4.3) - restriction: || (&& (== net48) (< net46)) (== netstandard2.0)
      System.Runtime.Handles (>= 4.3) - restriction: || (&& (== net48) (< net46)) (== netstandard2.0)
    System.Threading.Timer (4.3) - restriction: || (&& (== net48) (< net20)) (== netstandard2.0)
      Microsoft.NETCore.Platforms (>= 1.1) - restriction: || (&& (== net48) (< net451)) (== netstandard2.0)
      Microsoft.NETCore.Targets (>= 1.1) - restriction: || (&& (== net48) (< net451)) (== netstandard2.0)
      System.Runtime (>= 4.3) - restriction: || (&& (== net48) (< net451)) (== netstandard2.0)
    System.ValueTuple (4.5) - restriction: || (== net48) (&& (== netstandard2.0) (>= net45))
    xunit (2.4.1)
      xunit.analyzers (>= 0.10)
      xunit.assert (2.4.1)
      xunit.core (2.4.1)
    xunit.abstractions (2.0.3)
    xunit.analyzers (0.10)
    xunit.assert (2.4.1)
      NETStandard.Library (>= 1.6.1) - restriction: || (&& (== net48) (< net452)) (== netstandard2.0)
    xunit.core (2.4.1)
      xunit.extensibility.core (2.4.1)
      xunit.extensibility.execution (2.4.1)
    xunit.extensibility.core (2.4.1)
      NETStandard.Library (>= 1.6.1) - restriction: || (&& (== net48) (< net452)) (== netstandard2.0)
      xunit.abstractions (>= 2.0.3)
    xunit.extensibility.execution (2.4.1)
      NETStandard.Library (>= 1.6.1) - restriction: || (&& (== net48) (< net452)) (== netstandard2.0)
      xunit.extensibility.core (2.4.1)
    xunit.runner.visualstudio (2.4.1)
