REDIRECTS: OFF
STORAGE: NONE
RESTRICTION: || (== net462) (== netstandard1.6)
NUGET
  remote: https://api.nuget.org/v3/index.json
    FSharp.Compiler.CodeDom (1.0.0.1)
    FSharp.Compiler.Service (16.0.2)
      FSharp.Core (>= 4.1.18) - restriction: || (&& (== net462) (< net45) (>= netstandard1.6)) (== netstandard1.6)
      NETStandard.Library (>= 1.6.1) - restriction: || (&& (== net462) (< net45) (>= netstandard1.6)) (== netstandard1.6)
      System.Collections.Immutable (>= 1.3) - restriction: || (&& (== net462) (< net45) (>= netstandard1.6)) (== netstandard1.6)
      System.Collections.Immutable (>= 1.3.1) - restriction: || (== net462) (&& (== netstandard1.6) (>= net45))
      System.Diagnostics.Process (>= 4.1) - restriction: || (&& (== net462) (< net45) (>= netstandard1.6)) (== netstandard1.6)
      System.Diagnostics.TraceSource (>= 4.0) - restriction: || (&& (== net462) (< net45) (>= netstandard1.6)) (== netstandard1.6)
      System.Reflection.Emit (>= 4.3) - restriction: || (&& (== net462) (< net45) (>= netstandard1.6)) (== netstandard1.6)
      System.Reflection.Metadata (>= 1.4.1) - restriction: || (&& (== net462) (< net45) (>= netstandard1.6)) (== netstandard1.6)
      System.Reflection.Metadata (>= 1.4.2) - restriction: || (== net462) (&& (== netstandard1.6) (>= net45))
      System.Reflection.TypeExtensions (>= 4.3) - restriction: || (&& (== net462) (< net45) (>= netstandard1.6)) (== netstandard1.6)
      System.Runtime.Loader (>= 4.0) - restriction: || (&& (== net462) (< net45) (>= netstandard1.6)) (== netstandard1.6)
      System.Security.Cryptography.Algorithms (>= 4.3) - restriction: || (&& (== net462) (< net45) (>= netstandard1.6)) (== netstandard1.6)
      System.ValueTuple (>= 4.4) - restriction: || (&& (== net462) (< net45) (>= netstandard1.6)) (== netstandard1.6)
    FSharp.Core (4.2.3) - restriction: || (&& (== net462) (< net45) (>= netstandard1.6)) (== netstandard1.6)
      System.Collections (>= 4.0.11) - restriction: || (&& (== net462) (< net45) (>= netstandard1.6)) (== netstandard1.6)
      System.Console (>= 4.0) - restriction: || (&& (== net462) (< net45) (>= netstandard1.6)) (== netstandard1.6)
      System.Diagnostics.Debug (>= 4.0.11) - restriction: || (&& (== net462) (< net45) (>= netstandard1.6)) (== netstandard1.6)
      System.Diagnostics.Tools (>= 4.0.1) - restriction: || (&& (== net462) (< net45) (>= netstandard1.6)) (== netstandard1.6)
      System.Globalization (>= 4.0.11) - restriction: || (&& (== net462) (< net45) (>= netstandard1.6)) (== netstandard1.6)
      System.IO (>= 4.1) - restriction: || (&& (== net462) (< net45) (>= netstandard1.6)) (== netstandard1.6)
      System.Linq (>= 4.1) - restriction: || (&& (== net462) (< net45) (>= netstandard1.6)) (== netstandard1.6)
      System.Linq.Expressions (>= 4.1) - restriction: || (&& (== net462) (< net45) (>= netstandard1.6)) (== netstandard1.6)
      System.Linq.Queryable (>= 4.0.1) - restriction: || (&& (== net462) (< net45) (>= netstandard1.6)) (== netstandard1.6)
      System.Net.Requests (>= 4.0.11) - restriction: || (&& (== net462) (< net45) (>= netstandard1.6)) (== netstandard1.6)
      System.Reflection (>= 4.1) - restriction: || (&& (== net462) (< net45) (>= netstandard1.6)) (== netstandard1.6)
      System.Reflection.Extensions (>= 4.0.1) - restriction: || (&& (== net462) (< net45) (>= netstandard1.6)) (== netstandard1.6)
      System.Resources.ResourceManager (>= 4.0.1) - restriction: || (&& (== net462) (< net45) (>= netstandard1.6)) (== netstandard1.6)
      System.Runtime (>= 4.1) - restriction: || (&& (== net462) (< net45) (>= netstandard1.6)) (== netstandard1.6)
      System.Runtime.Extensions (>= 4.1) - restriction: || (&& (== net462) (< net45) (>= netstandard1.6)) (== netstandard1.6)
      System.Runtime.Numerics (>= 4.0.1) - restriction: || (&& (== net462) (< net45) (>= netstandard1.6)) (== netstandard1.6)
      System.Text.RegularExpressions (>= 4.1) - restriction: || (&& (== net462) (< net45) (>= netstandard1.6)) (== netstandard1.6)
      System.Threading (>= 4.0.11) - restriction: || (&& (== net462) (< net45) (>= netstandard1.6)) (== netstandard1.6)
      System.Threading.Tasks (>= 4.0.11) - restriction: || (&& (== net462) (< net45) (>= netstandard1.6)) (== netstandard1.6)
      System.Threading.Tasks.Parallel (>= 4.0.1) - restriction: || (&& (== net462) (< net45) (>= netstandard1.6)) (== netstandard1.6)
      System.Threading.Thread (>= 4.0) - restriction: || (&& (== net462) (< net45) (>= netstandard1.6)) (== netstandard1.6)
      System.Threading.ThreadPool (>= 4.0.10) - restriction: || (&& (== net462) (< net45) (>= netstandard1.6)) (== netstandard1.6)
      System.Threading.Timer (>= 4.0.1) - restriction: || (&& (== net462) (< net45) (>= netstandard1.6)) (== netstandard1.6)
    Microsoft.NETCore.Platforms (2.0)
    Microsoft.NETCore.Targets (2.0) - restriction: || (&& (== net462) (>= dnxcore50) (>= netstandard1.6)) (&& (== net462) (< net45) (>= netstandard1.6)) (&& (== net462) (>= netcoreapp1.1)) (&& (== net462) (< netstandard1.1) (>= netstandard1.6)) (&& (== net462) (>= netstandard1.6) (< portable-net45+win8+wpa81)) (&& (== net462) (>= netstandard1.6) (>= uap10.0)) (== netstandard1.6)
    Microsoft.Win32.Primitives (4.3) - restriction: || (&& (== net462) (< net45) (>= netstandard1.6)) (&& (== net462) (>= netstandard1.6) (>= uap10.0)) (== netstandard1.6)
      Microsoft.NETCore.Platforms (>= 1.1) - restriction: || (&& (== net462) (< net46)) (== netstandard1.6)
      Microsoft.NETCore.Targets (>= 1.1) - restriction: || (&& (== net462) (< net46)) (== netstandard1.6)
      System.Runtime (>= 4.3) - restriction: || (&& (== net462) (< net46)) (== netstandard1.6)
    Microsoft.Win32.Registry (4.4) - restriction: || (&& (== net462) (< net45) (>= netstandard1.6)) (== netstandard1.6)
      NETStandard.Library (>= 1.6.1) - restriction: || (&& (== net462) (< net46)) (== netstandard1.6)
    NETStandard.Library (2.0.1)
      Microsoft.NETCore.Platforms (>= 1.1)
      Microsoft.Win32.Primitives (>= 4.3) - restriction: || (&& (== net462) (< net45)) (&& (== net462) (< netstandard1.4)) (&& (== net462) (>= uap10.0)) (== netstandard1.6)
      System.AppContext (>= 4.3) - restriction: || (&& (== net462) (< net45)) (&& (== net462) (< netstandard1.4)) (&& (== net462) (>= uap10.0)) (== netstandard1.6)
      System.Collections (>= 4.3) - restriction: || (&& (== net462) (< net45)) (&& (== net462) (< portable-net45+win8+wpa81)) (&& (== net462) (>= uap10.0)) (== netstandard1.6)
      System.Collections.Concurrent (>= 4.3) - restriction: || (&& (== net462) (< net45)) (&& (== net462) (>= uap10.0)) (== netstandard1.6)
      System.Console (>= 4.3) - restriction: || (&& (== net462) (< net45)) (&& (== net462) (< netstandard1.4)) (&& (== net462) (>= uap10.0)) (== netstandard1.6)
      System.Diagnostics.Debug (>= 4.3) - restriction: || (&& (== net462) (< net45)) (&& (== net462) (< portable-net45+win8+wpa81)) (&& (== net462) (>= uap10.0)) (== netstandard1.6)
      System.Diagnostics.Tools (>= 4.3) - restriction: || (&& (== net462) (< net45)) (&& (== net462) (< portable-net45+win8+wpa81)) (&& (== net462) (>= uap10.0)) (== netstandard1.6)
      System.Diagnostics.Tracing (>= 4.3) - restriction: || (&& (== net462) (< net45)) (&& (== net462) (>= uap10.0)) (== netstandard1.6)
      System.Globalization (>= 4.3) - restriction: || (&& (== net462) (< net45)) (&& (== net462) (< portable-net45+win8+wpa81)) (&& (== net462) (>= uap10.0)) (== netstandard1.6)
      System.Globalization.Calendars (>= 4.3) - restriction: || (&& (== net462) (< net45)) (&& (== net462) (< netstandard1.4)) (&& (== net462) (>= uap10.0)) (== netstandard1.6)
      System.IO (>= 4.3) - restriction: || (&& (== net462) (< net45)) (&& (== net462) (< portable-net45+win8+wpa81)) (&& (== net462) (>= uap10.0)) (== netstandard1.6)
      System.IO.Compression (>= 4.3) - restriction: || (&& (== net462) (< net45)) (&& (== net462) (< netstandard1.4)) (&& (== net462) (>= uap10.0)) (== netstandard1.6)
      System.IO.Compression.ZipFile (>= 4.3) - restriction: || (&& (== net462) (< net45)) (&& (== net462) (< netstandard1.4)) (&& (== net462) (>= uap10.0)) (== netstandard1.6)
      System.IO.FileSystem (>= 4.3) - restriction: || (&& (== net462) (< net45)) (&& (== net462) (< netstandard1.4)) (&& (== net462) (>= uap10.0)) (== netstandard1.6)
      System.IO.FileSystem.Primitives (>= 4.3) - restriction: || (&& (== net462) (< net45)) (&& (== net462) (< netstandard1.4)) (&& (== net462) (>= uap10.0)) (== netstandard1.6)
      System.Linq (>= 4.3) - restriction: || (&& (== net462) (< net45)) (&& (== net462) (< portable-net45+win8+wpa81)) (&& (== net462) (>= uap10.0)) (== netstandard1.6)
      System.Linq.Expressions (>= 4.3) - restriction: || (&& (== net462) (< net45)) (&& (== net462) (< portable-net45+win8+wpa81)) (&& (== net462) (>= uap10.0)) (== netstandard1.6)
      System.Net.Http (>= 4.3.2) - restriction: || (&& (== net462) (< net45)) (&& (== net462) (< netstandard1.4)) (&& (== net462) (>= uap10.0)) (== netstandard1.6)
      System.Net.Primitives (>= 4.3) - restriction: || (&& (== net462) (< net45)) (&& (== net462) (< portable-net45+win8+wpa81)) (&& (== net462) (>= uap10.0)) (== netstandard1.6)
      System.Net.Sockets (>= 4.3) - restriction: || (&& (== net462) (< net45)) (&& (== net462) (< netstandard1.4)) (&& (== net462) (>= uap10.0)) (== netstandard1.6)
      System.ObjectModel (>= 4.3) - restriction: || (&& (== net462) (< net45)) (&& (== net462) (< portable-net45+win8+wpa81)) (&& (== net462) (>= uap10.0)) (== netstandard1.6)
      System.Reflection (>= 4.3) - restriction: || (&& (== net462) (< net45)) (&& (== net462) (< portable-net45+win8+wpa81)) (&& (== net462) (>= uap10.0)) (== netstandard1.6)
      System.Reflection.Extensions (>= 4.3) - restriction: || (&& (== net462) (< net45)) (&& (== net462) (< portable-net45+win8+wpa81)) (&& (== net462) (>= uap10.0)) (== netstandard1.6)
      System.Reflection.Primitives (>= 4.3) - restriction: || (&& (== net462) (< net45)) (&& (== net462) (< portable-net45+win8+wpa81)) (&& (== net462) (>= uap10.0)) (== netstandard1.6)
      System.Resources.ResourceManager (>= 4.3) - restriction: || (&& (== net462) (< net45)) (&& (== net462) (< portable-net45+win8+wpa81)) (&& (== net462) (>= uap10.0)) (== netstandard1.6)
      System.Runtime (>= 4.3) - restriction: || (&& (== net462) (< net45)) (&& (== net462) (< portable-net45+win8+wpa81)) (&& (== net462) (>= uap10.0)) (== netstandard1.6)
      System.Runtime.Extensions (>= 4.3) - restriction: || (&& (== net462) (< net45)) (&& (== net462) (< portable-net45+win8+wpa81)) (&& (== net462) (>= uap10.0)) (== netstandard1.6)
      System.Runtime.Handles (>= 4.3) - restriction: || (&& (== net462) (< net45)) (&& (== net462) (>= uap10.0)) (== netstandard1.6)
      System.Runtime.InteropServices (>= 4.3) - restriction: || (&& (== net462) (< net45)) (&& (== net462) (>= uap10.0)) (== netstandard1.6)
      System.Runtime.InteropServices.RuntimeInformation (>= 4.3) - restriction: || (&& (== net462) (< net45)) (&& (== net462) (< netstandard1.0)) (&& (== net462) (< netstandard1.3)) (&& (== net462) (< netstandard1.4)) (&& (== net462) (< portable-net451+win81+wpa81)) (&& (== net462) (>= uap10.0)) (== netstandard1.6)
      System.Runtime.Numerics (>= 4.3) - restriction: || (&& (== net462) (< net45)) (&& (== net462) (>= uap10.0)) (== netstandard1.6)
      System.Security.Cryptography.Algorithms (>= 4.3) - restriction: || (&& (== net462) (< net45)) (&& (== net462) (< netstandard1.4)) (&& (== net462) (>= uap10.0)) (== netstandard1.6)
      System.Security.Cryptography.Encoding (>= 4.3) - restriction: || (&& (== net462) (< net45)) (&& (== net462) (< netstandard1.4)) (&& (== net462) (>= uap10.0)) (== netstandard1.6)
      System.Security.Cryptography.Primitives (>= 4.3) - restriction: || (&& (== net462) (< net45)) (&& (== net462) (< netstandard1.4)) (&& (== net462) (>= uap10.0)) (== netstandard1.6)
      System.Security.Cryptography.X509Certificates (>= 4.3) - restriction: || (&& (== net462) (< net45)) (&& (== net462) (< netstandard1.4)) (&& (== net462) (>= uap10.0)) (== netstandard1.6)
      System.Text.Encoding (>= 4.3) - restriction: || (&& (== net462) (< net45)) (&& (== net462) (< portable-net45+win8+wpa81)) (&& (== net462) (>= uap10.0)) (== netstandard1.6)
      System.Text.Encoding.Extensions (>= 4.3) - restriction: || (&& (== net462) (< net45)) (&& (== net462) (< portable-net45+win8+wpa81)) (&& (== net462) (>= uap10.0)) (== netstandard1.6)
      System.Text.RegularExpressions (>= 4.3) - restriction: || (&& (== net462) (< net45)) (&& (== net462) (< portable-net45+win8+wpa81)) (&& (== net462) (>= uap10.0)) (== netstandard1.6)
      System.Threading (>= 4.3) - restriction: || (&& (== net462) (< net45)) (&& (== net462) (< portable-net45+win8+wpa81)) (&& (== net462) (>= uap10.0)) (== netstandard1.6)
      System.Threading.Tasks (>= 4.3) - restriction: || (&& (== net462) (< net45)) (&& (== net462) (< portable-net45+win8+wpa81)) (&& (== net462) (>= uap10.0)) (== netstandard1.6)
      System.Threading.Timer (>= 4.3) - restriction: || (&& (== net462) (< net45)) (&& (== net462) (>= uap10.0)) (== netstandard1.6)
      System.Xml.ReaderWriter (>= 4.3) - restriction: || (&& (== net462) (< net45)) (&& (== net462) (< netstandard1.4)) (&& (== net462) (< portable-net45+win8+wpa81)) (&& (== net462) (>= uap10.0)) (== netstandard1.6)
      System.Xml.XDocument (>= 4.3) - restriction: || (&& (== net462) (< net45)) (&& (== net462) (< portable-net45+win8+wpa81)) (&& (== net462) (>= uap10.0)) (== netstandard1.6)
    NHamcrest (2.0.1)
      NETStandard.Library (>= 1.6.1) - restriction: || (&& (== net462) (< net451)) (== netstandard1.6)
    NHamcrest.XUnit (2.0.1)
      NETStandard.Library (>= 1.6.1) - restriction: || (&& (== net462) (< net451)) (== netstandard1.6)
      NHamcrest (>= 2.0.1)
      xunit.assert (>= 2.2 < 3.0)
    runtime.debian.8-x64.runtime.native.System.Security.Cryptography.OpenSsl (4.3.2) - restriction: || (&& (== net462) (< net45) (>= netstandard1.6)) (== netstandard1.6)
    runtime.fedora.23-x64.runtime.native.System.Security.Cryptography.OpenSsl (4.3.2) - restriction: || (&& (== net462) (< net45) (>= netstandard1.6)) (== netstandard1.6)
    runtime.fedora.24-x64.runtime.native.System.Security.Cryptography.OpenSsl (4.3.2) - restriction: || (&& (== net462) (< net45) (>= netstandard1.6)) (== netstandard1.6)
    runtime.native.System (4.3) - restriction: || (&& (== net462) (< net45) (>= netstandard1.6)) (&& (== net462) (< netstandard1.0) (>= netstandard1.6)) (&& (== net462) (< netstandard1.3) (>= netstandard1.6) (>= wpa81)) (&& (== net462) (>= netstandard1.6) (>= uap10.0)) (== netstandard1.6)
      Microsoft.NETCore.Platforms (>= 1.1)
      Microsoft.NETCore.Targets (>= 1.1)
    runtime.native.System.IO.Compression (4.3.1) - restriction: || (&& (== net462) (>= dnxcore50) (>= netstandard1.6)) (&& (== net462) (< net45) (>= netstandard1.6)) (&& (== net462) (>= netstandard1.6) (>= uap10.0)) (== netstandard1.6)
      Microsoft.NETCore.Platforms (>= 1.1)
      Microsoft.NETCore.Targets (>= 1.1.1)
    runtime.native.System.Net.Http (4.3) - restriction: || (&& (== net462) (< net45) (>= netstandard1.6)) (&& (== net462) (>= netstandard1.6) (>= uap10.0)) (== netstandard1.6)
      Microsoft.NETCore.Platforms (>= 1.1)
      Microsoft.NETCore.Targets (>= 1.1)
    runtime.native.System.Security.Cryptography.Apple (4.3.1) - restriction: || (&& (== net462) (< net45) (>= netstandard1.6)) (== netstandard1.6)
      runtime.osx.10.10-x64.runtime.native.System.Security.Cryptography.Apple (>= 4.3.1)
    runtime.native.System.Security.Cryptography.OpenSsl (4.3.2) - restriction: || (&& (== net462) (< net45) (>= netstandard1.6)) (&& (== net462) (>= netstandard1.6) (>= uap10.0)) (== netstandard1.6)
      runtime.debian.8-x64.runtime.native.System.Security.Cryptography.OpenSsl (>= 4.3.2)
      runtime.fedora.23-x64.runtime.native.System.Security.Cryptography.OpenSsl (>= 4.3.2)
      runtime.fedora.24-x64.runtime.native.System.Security.Cryptography.OpenSsl (>= 4.3.2)
      runtime.opensuse.13.2-x64.runtime.native.System.Security.Cryptography.OpenSsl (>= 4.3.2)
      runtime.opensuse.42.1-x64.runtime.native.System.Security.Cryptography.OpenSsl (>= 4.3.2)
      runtime.osx.10.10-x64.runtime.native.System.Security.Cryptography.OpenSsl (>= 4.3.2)
      runtime.rhel.7-x64.runtime.native.System.Security.Cryptography.OpenSsl (>= 4.3.2)
      runtime.ubuntu.14.04-x64.runtime.native.System.Security.Cryptography.OpenSsl (>= 4.3.2)
      runtime.ubuntu.16.04-x64.runtime.native.System.Security.Cryptography.OpenSsl (>= 4.3.2)
      runtime.ubuntu.16.10-x64.runtime.native.System.Security.Cryptography.OpenSsl (>= 4.3.2)
    runtime.opensuse.13.2-x64.runtime.native.System.Security.Cryptography.OpenSsl (4.3.2) - restriction: || (&& (== net462) (< net45) (>= netstandard1.6)) (== netstandard1.6)
    runtime.opensuse.42.1-x64.runtime.native.System.Security.Cryptography.OpenSsl (4.3.2) - restriction: || (&& (== net462) (< net45) (>= netstandard1.6)) (== netstandard1.6)
    runtime.osx.10.10-x64.runtime.native.System.Security.Cryptography.Apple (4.3.1) - restriction: || (&& (== net462) (< net45) (>= netstandard1.6)) (== netstandard1.6)
    runtime.osx.10.10-x64.runtime.native.System.Security.Cryptography.OpenSsl (4.3.2) - restriction: || (&& (== net462) (< net45) (>= netstandard1.6)) (== netstandard1.6)
    runtime.rhel.7-x64.runtime.native.System.Security.Cryptography.OpenSsl (4.3.2) - restriction: || (&& (== net462) (< net45) (>= netstandard1.6)) (== netstandard1.6)
    runtime.ubuntu.14.04-x64.runtime.native.System.Security.Cryptography.OpenSsl (4.3.2) - restriction: || (&& (== net462) (< net45) (>= netstandard1.6)) (== netstandard1.6)
    runtime.ubuntu.16.04-x64.runtime.native.System.Security.Cryptography.OpenSsl (4.3.2) - restriction: || (&& (== net462) (< net45) (>= netstandard1.6)) (== netstandard1.6)
    runtime.ubuntu.16.10-x64.runtime.native.System.Security.Cryptography.OpenSsl (4.3.2) - restriction: || (&& (== net462) (< net45) (>= netstandard1.6)) (== netstandard1.6)
    SourceLink.Create.CommandLine (2.5)
      NETStandard.Library (>= 1.6.1) - restriction: || (&& (== net462) (< net461)) (== netstandard1.6)
    System.AppContext (4.3) - restriction: || (&& (== net462) (< net45) (>= netstandard1.6)) (&& (== net462) (>= netstandard1.6) (>= uap10.0)) (== netstandard1.6)
      System.Runtime (>= 4.3) - restriction: || (&& (== net462) (>= dnxcore50)) (&& (== net462) (< net46)) (== netstandard1.6)
    System.Buffers (4.4) - restriction: || (&& (== net462) (>= dnxcore50) (>= netstandard1.6)) (&& (== net462) (< net45) (>= netstandard1.6)) (&& (== net462) (>= netstandard1.6) (>= uap10.0)) (== netstandard1.6)
      System.Diagnostics.Debug (>= 4.3)
      System.Diagnostics.Tracing (>= 4.3)
      System.Resources.ResourceManager (>= 4.3)
      System.Runtime (>= 4.3)
      System.Threading (>= 4.3)
    System.Collections (4.3) - restriction: || (&& (== net462) (>= dnxcore50) (>= netstandard1.6)) (&& (== net462) (< net45) (>= netstandard1.6)) (&& (== net462) (>= netstandard1.6) (< portable-net45+win8+wpa81)) (&& (== net462) (>= netstandard1.6) (>= uap10.0)) (== netstandard1.6)
      Microsoft.NETCore.Platforms (>= 1.1) - restriction: || (&& (== net462) (>= dnxcore50)) (&& (== net462) (< net45)) (== netstandard1.6)
      Microsoft.NETCore.Targets (>= 1.1) - restriction: || (&& (== net462) (>= dnxcore50)) (&& (== net462) (< net45)) (== netstandard1.6)
      System.Runtime (>= 4.3) - restriction: || (&& (== net462) (>= dnxcore50)) (&& (== net462) (< net45)) (== netstandard1.6)
    System.Collections.Concurrent (4.3) - restriction: || (&& (== net462) (< net45) (>= netstandard1.6)) (&& (== net462) (>= netstandard1.6) (>= uap10.0)) (== netstandard1.6)
      System.Collections (>= 4.3) - restriction: || (&& (== net462) (>= dnxcore50)) (&& (== net462) (< net45)) (== netstandard1.6)
      System.Diagnostics.Debug (>= 4.3) - restriction: || (&& (== net462) (>= dnxcore50)) (&& (== net462) (< net45)) (== netstandard1.6)
      System.Diagnostics.Tracing (>= 4.3) - restriction: || (&& (== net462) (>= dnxcore50)) (&& (== net462) (< net45)) (== netstandard1.6)
      System.Globalization (>= 4.3) - restriction: || (&& (== net462) (>= dnxcore50)) (&& (== net462) (< net45)) (== netstandard1.6)
      System.Reflection (>= 4.3) - restriction: || (&& (== net462) (< net45)) (== netstandard1.6)
      System.Resources.ResourceManager (>= 4.3) - restriction: || (&& (== net462) (>= dnxcore50)) (&& (== net462) (< net45)) (== netstandard1.6)
      System.Runtime (>= 4.3) - restriction: || (&& (== net462) (>= dnxcore50)) (&& (== net462) (< net45)) (== netstandard1.6)
      System.Runtime.Extensions (>= 4.3) - restriction: || (&& (== net462) (>= dnxcore50)) (&& (== net462) (< net45)) (== netstandard1.6)
      System.Threading (>= 4.3) - restriction: || (&& (== net462) (>= dnxcore50)) (&& (== net462) (< net45)) (== netstandard1.6)
      System.Threading.Tasks (>= 4.3) - restriction: || (&& (== net462) (>= dnxcore50)) (&& (== net462) (< net45)) (== netstandard1.6)
    System.Collections.Immutable (1.4)
      NETStandard.Library (>= 1.6.1)
    System.Console (4.3) - restriction: || (&& (== net462) (< net45) (>= netstandard1.6)) (&& (== net462) (>= netstandard1.6) (>= uap10.0)) (== netstandard1.6)
      Microsoft.NETCore.Platforms (>= 1.1) - restriction: || (&& (== net462) (< net46)) (== netstandard1.6)
      Microsoft.NETCore.Targets (>= 1.1) - restriction: || (&& (== net462) (< net46)) (== netstandard1.6)
      System.IO (>= 4.3) - restriction: || (&& (== net462) (< net46)) (== netstandard1.6)
      System.Runtime (>= 4.3) - restriction: || (&& (== net462) (< net46)) (== netstandard1.6)
      System.Text.Encoding (>= 4.3) - restriction: || (&& (== net462) (< net46)) (== netstandard1.6)
    System.Diagnostics.Debug (4.3) - restriction: || (&& (== net462) (>= dnxcore50) (>= netstandard1.6)) (&& (== net462) (< net45) (>= netstandard1.6)) (&& (== net462) (>= netstandard1.6) (< portable-net45+win8+wpa81)) (&& (== net462) (>= netstandard1.6) (>= uap10.0)) (== netstandard1.6)
      Microsoft.NETCore.Platforms (>= 1.1) - restriction: || (&& (== net462) (>= dnxcore50)) (&& (== net462) (< net45)) (== netstandard1.6)
      Microsoft.NETCore.Targets (>= 1.1) - restriction: || (&& (== net462) (>= dnxcore50)) (&& (== net462) (< net45)) (== netstandard1.6)
      System.Runtime (>= 4.3) - restriction: || (&& (== net462) (>= dnxcore50)) (&& (== net462) (< net45)) (== netstandard1.6)
    System.Diagnostics.DiagnosticSource (4.4.1) - restriction: || (&& (== net462) (>= dnxcore50) (>= netstandard1.6)) (&& (== net462) (< net45) (>= netstandard1.6)) (&& (== net462) (>= netstandard1.6) (>= uap10.0)) (== netstandard1.6)
      System.Collections (>= 4.3) - restriction: || (&& (== net462) (< net45)) (== netstandard1.6)
      System.Diagnostics.Debug (>= 4.3) - restriction: || (&& (== net462) (< net45)) (== netstandard1.6)
      System.Diagnostics.Tracing (>= 4.3) - restriction: || (&& (== net462) (< net45)) (== netstandard1.6)
      System.Reflection (>= 4.3) - restriction: || (&& (== net462) (< net45)) (== netstandard1.6)
      System.Runtime (>= 4.3) - restriction: || (&& (== net462) (< net45)) (== netstandard1.6)
      System.Runtime.Extensions (>= 4.3) - restriction: || (&& (== net462) (< net45)) (== netstandard1.6)
      System.Threading (>= 4.3) - restriction: || (&& (== net462) (< net45)) (== netstandard1.6)
    System.Diagnostics.Process (4.3) - restriction: || (&& (== net462) (< net45) (>= netstandard1.6)) (== netstandard1.6)
      Microsoft.NETCore.Platforms (>= 1.1) - restriction: || (&& (== net462) (< net46)) (== netstandard1.6)
      Microsoft.Win32.Primitives (>= 4.3) - restriction: || (&& (== net462) (< net46)) (== netstandard1.6)
      Microsoft.Win32.Registry (>= 4.3) - restriction: || (&& (== net462) (< net46)) (== netstandard1.6)
      runtime.native.System (>= 4.3) - restriction: || (&& (== net462) (< net46)) (== netstandard1.6)
      System.Collections (>= 4.3) - restriction: || (&& (== net462) (< net46)) (== netstandard1.6)
      System.Diagnostics.Debug (>= 4.3) - restriction: || (&& (== net462) (< net46)) (== netstandard1.6)
      System.Globalization (>= 4.3) - restriction: || (&& (== net462) (< net46)) (== netstandard1.6)
      System.IO (>= 4.3) - restriction: || (&& (== net462) (< net46)) (== netstandard1.6)
      System.IO.FileSystem (>= 4.3) - restriction: || (&& (== net462) (< net46)) (== netstandard1.6)
      System.IO.FileSystem.Primitives (>= 4.3) - restriction: || (&& (== net462) (< net46)) (== netstandard1.6)
      System.Resources.ResourceManager (>= 4.3) - restriction: || (&& (== net462) (< net46)) (== netstandard1.6)
      System.Runtime (>= 4.3) - restriction: || (&& (== net462) (< net46)) (== netstandard1.6)
      System.Runtime.Extensions (>= 4.3) - restriction: || (&& (== net462) (< net46)) (== netstandard1.6)
      System.Runtime.Handles (>= 4.3) - restriction: || (&& (== net462) (< net46)) (== netstandard1.6)
      System.Runtime.InteropServices (>= 4.3) - restriction: || (&& (== net462) (< net46)) (== netstandard1.6)
      System.Text.Encoding (>= 4.3) - restriction: || (&& (== net462) (< net46)) (== netstandard1.6)
      System.Text.Encoding.Extensions (>= 4.3) - restriction: || (&& (== net462) (< net46)) (== netstandard1.6)
      System.Threading (>= 4.3) - restriction: || (&& (== net462) (< net46)) (== netstandard1.6)
      System.Threading.Tasks (>= 4.3) - restriction: || (&& (== net462) (< net46)) (== netstandard1.6)
      System.Threading.Thread (>= 4.3) - restriction: || (&& (== net462) (< net46)) (== netstandard1.6)
      System.Threading.ThreadPool (>= 4.3) - restriction: || (&& (== net462) (< net46)) (== netstandard1.6)
    System.Diagnostics.Tools (4.3) - restriction: || (&& (== net462) (< net45) (>= netstandard1.6)) (&& (== net462) (>= netstandard1.6) (< portable-net45+win8+wpa81)) (&& (== net462) (>= netstandard1.6) (>= uap10.0)) (== netstandard1.6)
      Microsoft.NETCore.Platforms (>= 1.1) - restriction: || (&& (== net462) (>= dnxcore50)) (&& (== net462) (< net45)) (== netstandard1.6)
      Microsoft.NETCore.Targets (>= 1.1) - restriction: || (&& (== net462) (>= dnxcore50)) (&& (== net462) (< net45)) (== netstandard1.6)
      System.Runtime (>= 4.3) - restriction: || (&& (== net462) (>= dnxcore50)) (&& (== net462) (< net45)) (== netstandard1.6)
    System.Diagnostics.TraceSource (4.3) - restriction: || (&& (== net462) (< net45) (>= netstandard1.6)) (== netstandard1.6)
      Microsoft.NETCore.Platforms (>= 1.1) - restriction: || (&& (== net462) (< net46)) (== netstandard1.6)
      runtime.native.System (>= 4.3) - restriction: || (&& (== net462) (< net46)) (== netstandard1.6)
      System.Collections (>= 4.3) - restriction: || (&& (== net462) (< net46)) (== netstandard1.6)
      System.Diagnostics.Debug (>= 4.3) - restriction: || (&& (== net462) (< net46)) (== netstandard1.6)
      System.Globalization (>= 4.3) - restriction: || (&& (== net462) (< net46)) (== netstandard1.6)
      System.Resources.ResourceManager (>= 4.3) - restriction: || (&& (== net462) (< net46)) (== netstandard1.6)
      System.Runtime (>= 4.3) - restriction: || (&& (== net462) (< net46)) (== netstandard1.6)
      System.Runtime.Extensions (>= 4.3) - restriction: || (&& (== net462) (< net46)) (== netstandard1.6)
      System.Threading (>= 4.3) - restriction: || (&& (== net462) (< net46)) (== netstandard1.6)
    System.Diagnostics.Tracing (4.3) - restriction: || (&& (== net462) (>= dnxcore50) (>= netstandard1.6)) (&& (== net462) (< net45) (>= netstandard1.6)) (&& (== net462) (>= netstandard1.6) (>= uap10.0)) (== netstandard1.6)
      Microsoft.NETCore.Platforms (>= 1.1) - restriction: || (&& (== net462) (>= dnxcore50)) (&& (== net462) (< net45)) (== netstandard1.6)
      Microsoft.NETCore.Targets (>= 1.1) - restriction: || (&& (== net462) (>= dnxcore50)) (&& (== net462) (< net45)) (== netstandard1.6)
      System.Runtime (>= 4.3) - restriction: || (&& (== net462) (>= dnxcore50)) (&& (== net462) (< net45)) (== netstandard1.6)
    System.Globalization (4.3) - restriction: || (&& (== net462) (>= dnxcore50) (>= netstandard1.6)) (&& (== net462) (< net45) (>= netstandard1.6)) (&& (== net462) (>= netstandard1.6) (< portable-net45+win8+wpa81)) (&& (== net462) (>= netstandard1.6) (>= uap10.0)) (== netstandard1.6)
      Microsoft.NETCore.Platforms (>= 1.1) - restriction: || (&& (== net462) (>= dnxcore50)) (&& (== net462) (< net45)) (== netstandard1.6)
      Microsoft.NETCore.Targets (>= 1.1) - restriction: || (&& (== net462) (>= dnxcore50)) (&& (== net462) (< net45)) (== netstandard1.6)
      System.Runtime (>= 4.3) - restriction: || (&& (== net462) (>= dnxcore50)) (&& (== net462) (< net45)) (== netstandard1.6)
    System.Globalization.Calendars (4.3) - restriction: || (&& (== net462) (< net45) (>= netstandard1.6)) (&& (== net462) (>= netstandard1.6) (>= uap10.0)) (== netstandard1.6)
      Microsoft.NETCore.Platforms (>= 1.1) - restriction: || (&& (== net462) (< net46)) (== netstandard1.6)
      Microsoft.NETCore.Targets (>= 1.1) - restriction: || (&& (== net462) (< net46)) (== netstandard1.6)
      System.Globalization (>= 4.3) - restriction: || (&& (== net462) (< net46)) (== netstandard1.6)
      System.Runtime (>= 4.3) - restriction: || (&& (== net462) (< net46)) (== netstandard1.6)
    System.Globalization.Extensions (4.3) - restriction: || (&& (== net462) (< net45) (>= netstandard1.6)) (&& (== net462) (>= netstandard1.6) (>= uap10.0)) (== netstandard1.6)
      Microsoft.NETCore.Platforms (>= 1.1) - restriction: || (&& (== net462) (< net46)) (== netstandard1.6)
      System.Globalization (>= 4.3) - restriction: || (&& (== net462) (< net46)) (== netstandard1.6)
      System.Resources.ResourceManager (>= 4.3) - restriction: || (&& (== net462) (< net46)) (== netstandard1.6)
      System.Runtime (>= 4.3) - restriction: || (&& (== net462) (< net46)) (== netstandard1.6)
      System.Runtime.Extensions (>= 4.3) - restriction: || (&& (== net462) (< net46)) (== netstandard1.6)
      System.Runtime.InteropServices (>= 4.3) - restriction: || (&& (== net462) (< net46)) (== netstandard1.6)
    System.IO (4.3) - restriction: || (&& (== net462) (>= dnxcore50) (>= netstandard1.6)) (&& (== net462) (< net45) (>= netstandard1.6)) (&& (== net462) (>= netstandard1.6) (< portable-net45+win8+wpa81)) (&& (== net462) (>= netstandard1.6) (>= uap10.0)) (== netstandard1.6)
      Microsoft.NETCore.Platforms (>= 1.1) - restriction: || (&& (== net462) (>= dnxcore50)) (&& (== net462) (< net45)) (== netstandard1.6)
      Microsoft.NETCore.Targets (>= 1.1) - restriction: || (&& (== net462) (>= dnxcore50)) (&& (== net462) (< net45)) (== netstandard1.6)
      System.Runtime (>= 4.3) - restriction: || (&& (== net462) (>= dnxcore50)) (&& (== net462) (< net45)) (== netstandard1.6)
      System.Text.Encoding (>= 4.3) - restriction: || (&& (== net462) (>= dnxcore50)) (&& (== net462) (< net45)) (== netstandard1.6)
      System.Threading.Tasks (>= 4.3) - restriction: || (&& (== net462) (>= dnxcore50)) (&& (== net462) (< net45)) (== netstandard1.6)
    System.IO.Compression (4.3) - restriction: || (&& (== net462) (< net45) (>= netstandard1.6)) (&& (== net462) (>= netstandard1.6) (>= uap10.0)) (== netstandard1.6)
      Microsoft.NETCore.Platforms (>= 1.1) - restriction: || (&& (== net462) (< net45)) (== netstandard1.6)
      runtime.native.System (>= 4.3) - restriction: || (&& (== net462) (< net45)) (== netstandard1.6)
      runtime.native.System.IO.Compression (>= 4.3) - restriction: || (&& (== net462) (>= dnxcore50)) (&& (== net462) (< net45)) (== netstandard1.6)
      System.Buffers (>= 4.3) - restriction: || (&& (== net462) (>= dnxcore50)) (&& (== net462) (< net45)) (== netstandard1.6)
      System.Collections (>= 4.3) - restriction: || (&& (== net462) (>= dnxcore50)) (&& (== net462) (< net45)) (== netstandard1.6)
      System.Diagnostics.Debug (>= 4.3) - restriction: || (&& (== net462) (>= dnxcore50)) (&& (== net462) (< net45)) (== netstandard1.6)
      System.IO (>= 4.3) - restriction: || (&& (== net462) (>= dnxcore50)) (&& (== net462) (< net45)) (== netstandard1.6)
      System.Resources.ResourceManager (>= 4.3) - restriction: || (&& (== net462) (>= dnxcore50)) (&& (== net462) (< net45)) (== netstandard1.6)
      System.Runtime (>= 4.3) - restriction: || (&& (== net462) (>= dnxcore50)) (&& (== net462) (< net45)) (== netstandard1.6)
      System.Runtime.Extensions (>= 4.3) - restriction: || (&& (== net462) (>= dnxcore50)) (&& (== net462) (< net45)) (== netstandard1.6)
      System.Runtime.Handles (>= 4.3) - restriction: || (&& (== net462) (>= dnxcore50)) (&& (== net462) (< net45)) (== netstandard1.6)
      System.Runtime.InteropServices (>= 4.3) - restriction: || (&& (== net462) (>= dnxcore50)) (&& (== net462) (< net45)) (== netstandard1.6)
      System.Text.Encoding (>= 4.3) - restriction: || (&& (== net462) (>= dnxcore50)) (&& (== net462) (< net45)) (== netstandard1.6)
      System.Threading (>= 4.3) - restriction: || (&& (== net462) (>= dnxcore50)) (&& (== net462) (< net45)) (== netstandard1.6)
      System.Threading.Tasks (>= 4.3) - restriction: || (&& (== net462) (>= dnxcore50)) (&& (== net462) (< net45)) (== netstandard1.6)
    System.IO.Compression.ZipFile (4.3) - restriction: || (&& (== net462) (< net45) (>= netstandard1.6)) (&& (== net462) (>= netstandard1.6) (>= uap10.0)) (== netstandard1.6)
      System.Buffers (>= 4.3) - restriction: || (&& (== net462) (< net46)) (== netstandard1.6)
      System.IO (>= 4.3) - restriction: || (&& (== net462) (< net46)) (== netstandard1.6)
      System.IO.Compression (>= 4.3) - restriction: || (&& (== net462) (< net46)) (== netstandard1.6)
      System.IO.FileSystem (>= 4.3) - restriction: || (&& (== net462) (< net46)) (== netstandard1.6)
      System.IO.FileSystem.Primitives (>= 4.3) - restriction: || (&& (== net462) (< net46)) (== netstandard1.6)
      System.Resources.ResourceManager (>= 4.3) - restriction: || (&& (== net462) (< net46)) (== netstandard1.6)
      System.Runtime (>= 4.3) - restriction: || (&& (== net462) (< net46)) (== netstandard1.6)
      System.Runtime.Extensions (>= 4.3) - restriction: || (&& (== net462) (< net46)) (== netstandard1.6)
      System.Text.Encoding (>= 4.3) - restriction: || (&& (== net462) (< net46)) (== netstandard1.6)
    System.IO.FileSystem (4.3) - restriction: || (&& (== net462) (< net45) (>= netstandard1.6)) (&& (== net462) (>= netstandard1.6) (>= uap10.0)) (== netstandard1.6)
      Microsoft.NETCore.Platforms (>= 1.1) - restriction: || (&& (== net462) (< net46)) (== netstandard1.6)
      Microsoft.NETCore.Targets (>= 1.1) - restriction: || (&& (== net462) (< net46)) (== netstandard1.6)
      System.IO (>= 4.3) - restriction: || (&& (== net462) (< net46)) (== netstandard1.6)
      System.IO.FileSystem.Primitives (>= 4.3)
      System.Runtime (>= 4.3) - restriction: || (&& (== net462) (< net46)) (== netstandard1.6)
      System.Runtime.Handles (>= 4.3) - restriction: || (&& (== net462) (< net46)) (== netstandard1.6)
      System.Text.Encoding (>= 4.3) - restriction: || (&& (== net462) (< net46)) (== netstandard1.6)
      System.Threading.Tasks (>= 4.3) - restriction: || (&& (== net462) (< net46)) (== netstandard1.6)
    System.IO.FileSystem.Primitives (4.3) - restriction: || (&& (== net462) (< net45) (>= netstandard1.6)) (&& (== net462) (>= netstandard1.6) (>= uap10.0)) (== netstandard1.6)
      System.Runtime (>= 4.3) - restriction: || (&& (== net462) (< net46)) (== netstandard1.6)
    System.Linq (4.3) - restriction: || (&& (== net462) (< net45) (>= netstandard1.6)) (&& (== net462) (>= netstandard1.6) (< portable-net45+win8+wpa81)) (&& (== net462) (>= netstandard1.6) (>= uap10.0)) (== netstandard1.6)
      System.Collections (>= 4.3) - restriction: || (&& (== net462) (>= dnxcore50)) (&& (== net462) (< net45)) (== netstandard1.6)
      System.Diagnostics.Debug (>= 4.3) - restriction: || (&& (== net462) (>= dnxcore50)) (&& (== net462) (< net45) (>= netstandard1.6)) (== netstandard1.6)
      System.Resources.ResourceManager (>= 4.3) - restriction: || (&& (== net462) (>= dnxcore50)) (&& (== net462) (< net45) (>= netstandard1.6)) (== netstandard1.6)
      System.Runtime (>= 4.3) - restriction: || (&& (== net462) (>= dnxcore50)) (&& (== net462) (< net45)) (== netstandard1.6)
      System.Runtime.Extensions (>= 4.3) - restriction: || (&& (== net462) (>= dnxcore50)) (&& (== net462) (< net45) (>= netstandard1.6)) (== netstandard1.6)
    System.Linq.Expressions (4.3) - restriction: || (&& (== net462) (< net45) (>= netstandard1.6)) (&& (== net462) (>= netstandard1.6) (< portable-net45+win8+wpa81)) (&& (== net462) (>= netstandard1.6) (>= uap10.0)) (== netstandard1.6)
      System.Collections (>= 4.3) - restriction: || (&& (== net462) (>= dnxcore50)) (&& (== net462) (< net45) (>= netstandard1.6)) (== netstandard1.6)
      System.Diagnostics.Debug (>= 4.3) - restriction: || (&& (== net462) (>= dnxcore50)) (&& (== net462) (< net45) (>= netstandard1.6)) (== netstandard1.6)
      System.Globalization (>= 4.3) - restriction: || (&& (== net462) (>= dnxcore50)) (&& (== net462) (< net45) (>= netstandard1.6)) (== netstandard1.6)
      System.IO (>= 4.3) - restriction: || (&& (== net462) (>= dnxcore50)) (&& (== net462) (< net45) (>= netstandard1.6)) (== netstandard1.6)
      System.Linq (>= 4.3) - restriction: || (&& (== net462) (>= dnxcore50)) (&& (== net462) (< net45) (>= netstandard1.6)) (== netstandard1.6)
      System.ObjectModel (>= 4.3) - restriction: || (&& (== net462) (< net45) (>= netstandard1.6)) (== netstandard1.6)
      System.Reflection (>= 4.3) - restriction: || (&& (== net462) (>= dnxcore50)) (&& (== net462) (< net45)) (== netstandard1.6)
      System.Reflection.Emit (>= 4.3) - restriction: || (&& (== net462) (< net45) (>= netstandard1.6)) (== netstandard1.6)
      System.Reflection.Emit.ILGeneration (>= 4.3) - restriction: || (&& (== net462) (>= dnxcore50)) (&& (== net462) (< net45) (>= netstandard1.6)) (== netstandard1.6)
      System.Reflection.Emit.Lightweight (>= 4.3) - restriction: || (&& (== net462) (>= dnxcore50)) (&& (== net462) (< net45) (>= netstandard1.6)) (== netstandard1.6)
      System.Reflection.Extensions (>= 4.3) - restriction: || (&& (== net462) (>= dnxcore50)) (&& (== net462) (< net45) (>= netstandard1.6)) (== netstandard1.6)
      System.Reflection.Primitives (>= 4.3) - restriction: || (&& (== net462) (>= dnxcore50)) (&& (== net462) (< net45) (>= netstandard1.6)) (== netstandard1.6)
      System.Reflection.TypeExtensions (>= 4.3) - restriction: || (&& (== net462) (>= dnxcore50)) (&& (== net462) (< net45) (>= netstandard1.6)) (== netstandard1.6)
      System.Resources.ResourceManager (>= 4.3) - restriction: || (&& (== net462) (>= dnxcore50)) (&& (== net462) (< net45) (>= netstandard1.6)) (== netstandard1.6)
      System.Runtime (>= 4.3) - restriction: || (&& (== net462) (>= dnxcore50)) (&& (== net462) (< net45)) (== netstandard1.6)
      System.Runtime.Extensions (>= 4.3) - restriction: || (&& (== net462) (>= dnxcore50)) (&& (== net462) (< net45) (>= netstandard1.6)) (== netstandard1.6)
      System.Threading (>= 4.3) - restriction: || (&& (== net462) (>= dnxcore50)) (&& (== net462) (< net45) (>= netstandard1.6)) (== netstandard1.6)
    System.Linq.Queryable (4.3) - restriction: || (&& (== net462) (< net45) (>= netstandard1.6)) (== netstandard1.6)
      System.Collections (>= 4.3) - restriction: || (&& (== net462) (>= dnxcore50)) (&& (== net462) (< net45)) (== netstandard1.6)
      System.Diagnostics.Debug (>= 4.3) - restriction: || (&& (== net462) (>= dnxcore50)) (&& (== net462) (< net45)) (== netstandard1.6)
      System.Linq (>= 4.3) - restriction: || (&& (== net462) (>= dnxcore50)) (&& (== net462) (< net45)) (== netstandard1.6)
      System.Linq.Expressions (>= 4.3) - restriction: || (&& (== net462) (>= dnxcore50)) (&& (== net462) (< net45)) (== netstandard1.6)
      System.Reflection (>= 4.3) - restriction: || (&& (== net462) (>= dnxcore50)) (&& (== net462) (< net45)) (== netstandard1.6)
      System.Reflection.Extensions (>= 4.3) - restriction: || (&& (== net462) (>= dnxcore50)) (&& (== net462) (< net45)) (== netstandard1.6)
      System.Resources.ResourceManager (>= 4.3) - restriction: || (&& (== net462) (>= dnxcore50)) (&& (== net462) (< net45)) (== netstandard1.6)
      System.Runtime (>= 4.3) - restriction: || (&& (== net462) (>= dnxcore50)) (&& (== net462) (< net45)) (== netstandard1.6)
    System.Net.Http (4.3.3) - restriction: || (&& (== net462) (< net45) (>= netstandard1.6)) (&& (== net462) (>= netstandard1.6) (>= uap10.0)) (== netstandard1.6)
      Microsoft.NETCore.Platforms (>= 1.1) - restriction: || (&& (== net462) (>= dnxcore50)) (&& (== net462) (< net45)) (== netstandard1.6)
      runtime.native.System (>= 4.3) - restriction: || (&& (== net462) (< net45) (>= netstandard1.6)) (== netstandard1.6)
      runtime.native.System.Net.Http (>= 4.3) - restriction: || (&& (== net462) (< net45) (>= netstandard1.6)) (== netstandard1.6)
      runtime.native.System.Security.Cryptography.OpenSsl (>= 4.3.2) - restriction: || (&& (== net462) (< net45) (>= netstandard1.6)) (== netstandard1.6)
      System.Collections (>= 4.3) - restriction: || (&& (== net462) (>= dnxcore50)) (&& (== net462) (< net45)) (== netstandard1.6)
      System.Diagnostics.Debug (>= 4.3) - restriction: || (&& (== net462) (>= dnxcore50)) (&& (== net462) (< net45)) (== netstandard1.6)
      System.Diagnostics.DiagnosticSource (>= 4.3) - restriction: || (&& (== net462) (>= dnxcore50)) (&& (== net462) (< net45)) (== netstandard1.6)
      System.Diagnostics.Tracing (>= 4.3) - restriction: || (&& (== net462) (>= dnxcore50)) (&& (== net462) (< net45)) (== netstandard1.6)
      System.Globalization (>= 4.3) - restriction: || (&& (== net462) (>= dnxcore50)) (&& (== net462) (< net45)) (== netstandard1.6)
      System.Globalization.Extensions (>= 4.3) - restriction: || (&& (== net462) (< net45) (>= netstandard1.6)) (== netstandard1.6)
      System.IO (>= 4.3) - restriction: || (&& (== net462) (>= dnxcore50)) (&& (== net462) (< net45)) (== netstandard1.6)
      System.IO.FileSystem (>= 4.3) - restriction: || (&& (== net462) (< net45) (>= netstandard1.6)) (== netstandard1.6)
      System.Net.Primitives (>= 4.3) - restriction: || (&& (== net462) (>= dnxcore50)) (&& (== net462) (< net45)) (== netstandard1.6)
      System.Resources.ResourceManager (>= 4.3) - restriction: || (&& (== net462) (>= dnxcore50)) (&& (== net462) (< net45)) (== netstandard1.6)
      System.Runtime (>= 4.3) - restriction: || (&& (== net462) (>= dnxcore50)) (&& (== net462) (< net45)) (== netstandard1.6)
      System.Runtime.Extensions (>= 4.3) - restriction: || (&& (== net462) (>= dnxcore50)) (&& (== net462) (< net45)) (== netstandard1.6)
      System.Runtime.Handles (>= 4.3) - restriction: || (&& (== net462) (< net45)) (== netstandard1.6)
      System.Runtime.InteropServices (>= 4.3) - restriction: || (&& (== net462) (>= dnxcore50)) (&& (== net462) (< net45)) (== netstandard1.6)
      System.Security.Cryptography.Algorithms (>= 4.3) - restriction: || (&& (== net462) (< net45) (>= netstandard1.6)) (== netstandard1.6)
      System.Security.Cryptography.Encoding (>= 4.3) - restriction: || (&& (== net462) (< net45)) (== netstandard1.6)
      System.Security.Cryptography.OpenSsl (>= 4.3) - restriction: || (&& (== net462) (< net45) (>= netstandard1.6)) (== netstandard1.6)
      System.Security.Cryptography.Primitives (>= 4.3) - restriction: || (&& (== net462) (< net45) (>= netstandard1.6)) (== netstandard1.6)
      System.Security.Cryptography.X509Certificates (>= 4.3)
      System.Text.Encoding (>= 4.3) - restriction: || (&& (== net462) (>= dnxcore50)) (&& (== net462) (< net45)) (== netstandard1.6)
      System.Threading (>= 4.3) - restriction: || (&& (== net462) (>= dnxcore50)) (&& (== net462) (< net45)) (== netstandard1.6)
      System.Threading.Tasks (>= 4.3) - restriction: || (&& (== net462) (>= dnxcore50)) (&& (== net462) (< net45)) (== netstandard1.6)
    System.Net.Primitives (4.3) - restriction: || (&& (== net462) (>= dnxcore50) (>= netstandard1.6)) (&& (== net462) (< net45) (>= netstandard1.6)) (&& (== net462) (>= netstandard1.6) (< portable-net45+win8+wpa81)) (&& (== net462) (>= netstandard1.6) (>= uap10.0)) (== netstandard1.6)
      Microsoft.NETCore.Platforms (>= 1.1) - restriction: || (&& (== net462) (>= dnxcore50)) (&& (== net462) (< net45)) (&& (== net462) (< netstandard1.1)) (== netstandard1.6)
      Microsoft.NETCore.Targets (>= 1.1) - restriction: || (&& (== net462) (>= dnxcore50)) (&& (== net462) (< net45)) (&& (== net462) (< netstandard1.1)) (== netstandard1.6)
      System.Runtime (>= 4.3) - restriction: || (&& (== net462) (>= dnxcore50)) (&& (== net462) (< net45)) (&& (== net462) (< netstandard1.1)) (== netstandard1.6)
      System.Runtime.Handles (>= 4.3) - restriction: || (&& (== net462) (>= dnxcore50)) (&& (== net462) (< net45)) (== netstandard1.6)
    System.Net.Requests (4.3) - restriction: || (&& (== net462) (< net45) (>= netstandard1.6)) (== netstandard1.6)
      Microsoft.NETCore.Platforms (>= 1.1) - restriction: || (&& (== net462) (< net45)) (== netstandard1.6)
      System.Collections (>= 4.3) - restriction: || (&& (== net462) (>= dnxcore50)) (&& (== net462) (< net45)) (== netstandard1.6)
      System.Diagnostics.Debug (>= 4.3) - restriction: || (&& (== net462) (>= dnxcore50)) (&& (== net462) (< net45)) (== netstandard1.6)
      System.Diagnostics.Tracing (>= 4.3) - restriction: || (&& (== net462) (>= dnxcore50)) (&& (== net462) (< net45)) (== netstandard1.6)
      System.Globalization (>= 4.3) - restriction: || (&& (== net462) (>= dnxcore50)) (&& (== net462) (< net45)) (== netstandard1.6)
      System.IO (>= 4.3) - restriction: || (&& (== net462) (>= dnxcore50)) (&& (== net462) (< net45)) (&& (== net462) (< netstandard1.1)) (== netstandard1.6)
      System.Net.Http (>= 4.3) - restriction: || (&& (== net462) (>= dnxcore50)) (&& (== net462) (< net45)) (== netstandard1.6)
      System.Net.Primitives (>= 4.3) - restriction: || (&& (== net462) (>= dnxcore50)) (&& (== net462) (< net45)) (&& (== net462) (< netstandard1.1)) (== netstandard1.6)
      System.Net.WebHeaderCollection (>= 4.3) - restriction: || (&& (== net462) (>= dnxcore50)) (&& (== net462) (< net45)) (== netstandard1.6)
      System.Resources.ResourceManager (>= 4.3) - restriction: || (&& (== net462) (>= dnxcore50)) (&& (== net462) (< net45)) (== netstandard1.6)
      System.Runtime (>= 4.3) - restriction: || (&& (== net462) (>= dnxcore50)) (&& (== net462) (< net45)) (&& (== net462) (< netstandard1.1)) (== netstandard1.6)
      System.Threading (>= 4.3) - restriction: || (&& (== net462) (>= dnxcore50)) (&& (== net462) (< net45)) (== netstandard1.6)
      System.Threading.Tasks (>= 4.3) - restriction: || (&& (== net462) (>= dnxcore50)) (&& (== net462) (< net45)) (== netstandard1.6)
    System.Net.Sockets (4.3) - restriction: || (&& (== net462) (< net45) (>= netstandard1.6)) (&& (== net462) (>= netstandard1.6) (>= uap10.0)) (== netstandard1.6)
      Microsoft.NETCore.Platforms (>= 1.1) - restriction: || (&& (== net462) (< net46)) (== netstandard1.6)
      Microsoft.NETCore.Targets (>= 1.1) - restriction: || (&& (== net462) (< net46)) (== netstandard1.6)
      System.IO (>= 4.3) - restriction: || (&& (== net462) (< net46)) (== netstandard1.6)
      System.Net.Primitives (>= 4.3) - restriction: || (&& (== net462) (< net46)) (== netstandard1.6)
      System.Runtime (>= 4.3) - restriction: || (&& (== net462) (< net46)) (== netstandard1.6)
      System.Threading.Tasks (>= 4.3) - restriction: || (&& (== net462) (< net46)) (== netstandard1.6)
    System.Net.WebHeaderCollection (4.3) - restriction: || (&& (== net462) (>= dnxcore50) (>= netstandard1.6)) (&& (== net462) (< net45) (>= netstandard1.6)) (== netstandard1.6)
      System.Collections (>= 4.3) - restriction: || (&& (== net462) (< net46)) (== netstandard1.6)
      System.Resources.ResourceManager (>= 4.3) - restriction: || (&& (== net462) (< net46)) (== netstandard1.6)
      System.Runtime (>= 4.3) - restriction: || (&& (== net462) (< net46)) (== netstandard1.6)
      System.Runtime.Extensions (>= 4.3) - restriction: || (&& (== net462) (< net46)) (== netstandard1.6)
    System.ObjectModel (4.3) - restriction: || (&& (== net462) (< net45) (>= netstandard1.6)) (&& (== net462) (>= netstandard1.6) (< portable-net45+win8+wpa81)) (&& (== net462) (>= netstandard1.6) (>= uap10.0)) (== netstandard1.6)
      System.Collections (>= 4.3) - restriction: || (&& (== net462) (>= dnxcore50)) (&& (== net462) (< net45)) (== netstandard1.6)
      System.Diagnostics.Debug (>= 4.3) - restriction: || (&& (== net462) (>= dnxcore50)) (&& (== net462) (< net45)) (== netstandard1.6)
      System.Resources.ResourceManager (>= 4.3) - restriction: || (&& (== net462) (>= dnxcore50)) (&& (== net462) (< net45)) (== netstandard1.6)
      System.Runtime (>= 4.3) - restriction: || (&& (== net462) (>= dnxcore50)) (&& (== net462) (< net45)) (== netstandard1.6)
      System.Threading (>= 4.3) - restriction: || (&& (== net462) (>= dnxcore50)) (&& (== net462) (< net45)) (== netstandard1.6)
    System.Reflection (4.3) - restriction: || (&& (== net462) (>= dnxcore50) (>= netstandard1.6)) (&& (== net462) (< net45) (>= netstandard1.6)) (&& (== net462) (>= netstandard1.6) (< portable-net45+win8+wpa81)) (&& (== net462) (>= netstandard1.6) (>= uap10.0)) (== netstandard1.6)
      Microsoft.NETCore.Platforms (>= 1.1) - restriction: || (&& (== net462) (>= dnxcore50)) (&& (== net462) (< net45)) (== netstandard1.6)
      Microsoft.NETCore.Targets (>= 1.1) - restriction: || (&& (== net462) (>= dnxcore50)) (&& (== net462) (< net45)) (== netstandard1.6)
      System.IO (>= 4.3) - restriction: || (&& (== net462) (>= dnxcore50)) (&& (== net462) (< net45)) (== netstandard1.6)
      System.Reflection.Primitives (>= 4.3) - restriction: || (&& (== net462) (>= dnxcore50)) (&& (== net462) (< net45)) (== netstandard1.6)
      System.Runtime (>= 4.3) - restriction: || (&& (== net462) (>= dnxcore50)) (&& (== net462) (< net45)) (== netstandard1.6)
    System.Reflection.Emit (4.3) - restriction: || (&& (== net462) (< net45) (>= netstandard1.6)) (== netstandard1.6)
      System.IO (>= 4.3) - restriction: || (&& (== net462) (< net45)) (== netstandard1.6)
      System.Reflection (>= 4.3) - restriction: || (&& (== net462) (< net45)) (== netstandard1.6)
      System.Reflection.Emit.ILGeneration (>= 4.3) - restriction: || (&& (== net462) (< net45)) (== netstandard1.6)
      System.Reflection.Primitives (>= 4.3) - restriction: || (&& (== net462) (< net45)) (== netstandard1.6)
      System.Runtime (>= 4.3) - restriction: || (&& (== net462) (< net45)) (== netstandard1.6)
    System.Reflection.Emit.ILGeneration (4.3) - restriction: || (&& (== net462) (>= dnxcore50) (>= netstandard1.6)) (&& (== net462) (< net45) (>= netstandard1.6)) (&& (== net462) (>= netstandard1.6) (< portable-net45+win8+wpa81)) (&& (== net462) (>= netstandard1.6) (>= uap10.0)) (== netstandard1.6)
      System.Reflection (>= 4.3) - restriction: || (&& (== net462) (< net45)) (== netstandard1.6)
      System.Reflection.Primitives (>= 4.3) - restriction: || (&& (== net462) (< net45)) (== netstandard1.6)
      System.Runtime (>= 4.3) - restriction: || (&& (== net462) (< net45)) (== netstandard1.6)
    System.Reflection.Emit.Lightweight (4.3) - restriction: || (&& (== net462) (>= dnxcore50) (>= netstandard1.6)) (&& (== net462) (< net45) (>= netstandard1.6)) (&& (== net462) (>= netstandard1.6) (< portable-net45+win8+wpa81)) (&& (== net462) (>= netstandard1.6) (>= uap10.0)) (== netstandard1.6)
      System.Reflection (>= 4.3) - restriction: || (&& (== net462) (< net45)) (== netstandard1.6)
      System.Reflection.Emit.ILGeneration (>= 4.3) - restriction: || (&& (== net462) (< net45)) (== netstandard1.6)
      System.Reflection.Primitives (>= 4.3) - restriction: || (&& (== net462) (< net45)) (== netstandard1.6)
      System.Runtime (>= 4.3) - restriction: || (&& (== net462) (< net45)) (== netstandard1.6)
    System.Reflection.Extensions (4.3) - restriction: || (&& (== net462) (>= dnxcore50) (>= netstandard1.6)) (&& (== net462) (< net45) (>= netstandard1.6)) (&& (== net462) (>= netstandard1.6) (< portable-net45+win8+wpa81)) (&& (== net462) (>= netstandard1.6) (>= uap10.0)) (== netstandard1.6)
      Microsoft.NETCore.Platforms (>= 1.1) - restriction: || (&& (== net462) (>= dnxcore50)) (&& (== net462) (< net45)) (== netstandard1.6)
      Microsoft.NETCore.Targets (>= 1.1) - restriction: || (&& (== net462) (>= dnxcore50)) (&& (== net462) (< net45)) (== netstandard1.6)
      System.Reflection (>= 4.3) - restriction: || (&& (== net462) (>= dnxcore50)) (&& (== net462) (< net45)) (== netstandard1.6)
      System.Runtime (>= 4.3) - restriction: || (&& (== net462) (>= dnxcore50)) (&& (== net462) (< net45)) (== netstandard1.6)
    System.Reflection.Metadata (1.5)
      NETStandard.Library (>= 1.6.1)
      System.Collections.Immutable (>= 1.4)
    System.Reflection.Primitives (4.3) - restriction: || (&& (== net462) (>= dnxcore50) (>= netstandard1.6)) (&& (== net462) (< net45) (>= netstandard1.6)) (&& (== net462) (>= netstandard1.6) (< portable-net45+win8+wpa81)) (&& (== net462) (>= netstandard1.6) (>= uap10.0)) (== netstandard1.6)
      Microsoft.NETCore.Platforms (>= 1.1) - restriction: || (&& (== net462) (>= dnxcore50)) (&& (== net462) (< net45)) (== netstandard1.6)
      Microsoft.NETCore.Targets (>= 1.1) - restriction: || (&& (== net462) (>= dnxcore50)) (&& (== net462) (< net45)) (== netstandard1.6)
      System.Runtime (>= 4.3) - restriction: || (&& (== net462) (>= dnxcore50)) (&& (== net462) (< net45)) (== netstandard1.6)
    System.Reflection.TypeExtensions (4.4) - restriction: || (&& (== net462) (< net45) (>= netstandard1.6)) (== netstandard1.6)
      System.Reflection (>= 4.3) - restriction: || (&& (== net462) (>= dnxcore50)) (&& (== net462) (< net46)) (== netstandard1.6)
      System.Resources.ResourceManager (>= 4.3) - restriction: || (&& (== net462) (>= dnxcore50)) (&& (== net462) (< net46)) (== netstandard1.6)
      System.Runtime (>= 4.3) - restriction: || (&& (== net462) (>= dnxcore50)) (&& (== net462) (< net46)) (== netstandard1.6)
    System.Resources.ResourceManager (4.3) - restriction: || (&& (== net462) (>= dnxcore50) (>= netstandard1.6)) (&& (== net462) (< net45) (>= netstandard1.6)) (&& (== net462) (>= netstandard1.6) (< portable-net45+win8+wpa81)) (&& (== net462) (>= netstandard1.6) (>= uap10.0)) (== netstandard1.6)
      Microsoft.NETCore.Platforms (>= 1.1) - restriction: || (&& (== net462) (>= dnxcore50)) (&& (== net462) (< net45)) (== netstandard1.6)
      Microsoft.NETCore.Targets (>= 1.1) - restriction: || (&& (== net462) (>= dnxcore50)) (&& (== net462) (< net45)) (== netstandard1.6)
      System.Globalization (>= 4.3) - restriction: || (&& (== net462) (>= dnxcore50)) (&& (== net462) (< net45)) (== netstandard1.6)
      System.Reflection (>= 4.3) - restriction: || (&& (== net462) (>= dnxcore50)) (&& (== net462) (< net45)) (== netstandard1.6)
      System.Runtime (>= 4.3) - restriction: || (&& (== net462) (>= dnxcore50)) (&& (== net462) (< net45)) (== netstandard1.6)
    System.Runtime (4.3) - restriction: || (&& (== net462) (>= dnxcore50) (>= netstandard1.6)) (&& (== net462) (< net45) (>= netstandard1.6)) (&& (== net462) (< netstandard1.1) (>= netstandard1.6)) (&& (== net462) (>= netstandard1.6) (< portable-net45+win8+wpa81)) (&& (== net462) (>= netstandard1.6) (>= uap10.0)) (== netstandard1.6)
      Microsoft.NETCore.Platforms (>= 1.1) - restriction: || (&& (== net462) (>= dnxcore50)) (&& (== net462) (< net45)) (== netstandard1.6)
      Microsoft.NETCore.Targets (>= 1.1) - restriction: || (&& (== net462) (>= dnxcore50)) (&& (== net462) (< net45)) (== netstandard1.6)
    System.Runtime.Extensions (4.3) - restriction: || (&& (== net462) (>= dnxcore50) (>= netstandard1.6)) (&& (== net462) (< net45) (>= netstandard1.6)) (&& (== net462) (>= netstandard1.6) (< portable-net45+win8+wpa81)) (&& (== net462) (>= netstandard1.6) (>= uap10.0)) (== netstandard1.6)
      Microsoft.NETCore.Platforms (>= 1.1) - restriction: || (&& (== net462) (>= dnxcore50)) (&& (== net462) (< net45)) (== netstandard1.6)
      Microsoft.NETCore.Targets (>= 1.1) - restriction: || (&& (== net462) (>= dnxcore50)) (&& (== net462) (< net45)) (== netstandard1.6)
      System.Runtime (>= 4.3) - restriction: || (&& (== net462) (>= dnxcore50)) (&& (== net462) (< net45)) (== netstandard1.6)
    System.Runtime.Handles (4.3) - restriction: || (&& (== net462) (>= dnxcore50) (>= netstandard1.6)) (&& (== net462) (< net45) (>= netstandard1.6)) (&& (== net462) (>= netstandard1.6) (< portable-net45+win8+wpa81)) (&& (== net462) (>= netstandard1.6) (>= uap10.0)) (== netstandard1.6)
      Microsoft.NETCore.Platforms (>= 1.1) - restriction: || (&& (== net462) (< net46)) (== netstandard1.6)
      Microsoft.NETCore.Targets (>= 1.1) - restriction: || (&& (== net462) (< net46)) (== netstandard1.6)
      System.Runtime (>= 4.3) - restriction: || (&& (== net462) (< net46)) (== netstandard1.6)
    System.Runtime.InteropServices (4.3) - restriction: || (&& (== net462) (>= dnxcore50) (>= netstandard1.6)) (&& (== net462) (< net45) (>= netstandard1.6)) (&& (== net462) (>= netstandard1.6) (>= uap10.0)) (== netstandard1.6)
      Microsoft.NETCore.Platforms (>= 1.1) - restriction: || (&& (== net462) (>= dnxcore50)) (&& (== net462) (< net45)) (&& (== net462) (>= netcoreapp1.1)) (== netstandard1.6)
      Microsoft.NETCore.Targets (>= 1.1) - restriction: || (&& (== net462) (>= dnxcore50)) (&& (== net462) (< net45)) (&& (== net462) (>= netcoreapp1.1)) (== netstandard1.6)
      System.Reflection (>= 4.3) - restriction: || (&& (== net462) (>= dnxcore50)) (&& (== net462) (< net45)) (&& (== net462) (>= netcoreapp1.1)) (== netstandard1.6)
      System.Reflection.Primitives (>= 4.3) - restriction: || (&& (== net462) (>= dnxcore50)) (&& (== net462) (< net45)) (&& (== net462) (>= netcoreapp1.1)) (== netstandard1.6)
      System.Runtime (>= 4.3)
      System.Runtime.Handles (>= 4.3) - restriction: || (&& (== net462) (>= dnxcore50)) (&& (== net462) (< net45)) (&& (== net462) (>= netcoreapp1.1)) (== netstandard1.6)
    System.Runtime.InteropServices.RuntimeInformation (4.3) - restriction: || (&& (== net462) (< net45) (>= netstandard1.6)) (&& (== net462) (< netstandard1.0) (>= netstandard1.6)) (&& (== net462) (< netstandard1.3) (>= netstandard1.6) (>= wpa81)) (&& (== net462) (>= netstandard1.6) (>= uap10.0)) (== netstandard1.6)
      runtime.native.System (>= 4.3) - restriction: || (&& (== net462) (< net45)) (== netstandard1.6)
      System.Reflection (>= 4.3) - restriction: || (&& (== net462) (>= dnxcore50)) (&& (== net462) (< net45)) (== netstandard1.6)
      System.Reflection.Extensions (>= 4.3) - restriction: || (&& (== net462) (>= dnxcore50)) (&& (== net462) (< net45)) (== netstandard1.6)
      System.Resources.ResourceManager (>= 4.3) - restriction: || (&& (== net462) (>= dnxcore50)) (&& (== net462) (< net45)) (== netstandard1.6)
      System.Runtime (>= 4.3) - restriction: || (&& (== net462) (>= dnxcore50)) (&& (== net462) (< net45)) (== netstandard1.6)
      System.Runtime.InteropServices (>= 4.3) - restriction: || (&& (== net462) (< net45)) (== netstandard1.6)
      System.Threading (>= 4.3) - restriction: || (&& (== net462) (>= dnxcore50)) (&& (== net462) (< net45)) (== netstandard1.6)
    System.Runtime.Loader (4.3) - restriction: || (&& (== net462) (< net45) (>= netstandard1.6)) (== netstandard1.6)
      System.IO (>= 4.3) - restriction: == netstandard1.6
      System.Reflection (>= 4.3) - restriction: == netstandard1.6
      System.Runtime (>= 4.3) - restriction: == netstandard1.6
    System.Runtime.Numerics (4.3) - restriction: || (&& (== net462) (< net45) (>= netstandard1.6)) (&& (== net462) (>= netstandard1.6) (>= uap10.0)) (== netstandard1.6)
      System.Globalization (>= 4.3) - restriction: || (&& (== net462) (>= dnxcore50)) (&& (== net462) (< net45)) (== netstandard1.6)
      System.Resources.ResourceManager (>= 4.3) - restriction: || (&& (== net462) (>= dnxcore50)) (&& (== net462) (< net45)) (== netstandard1.6)
      System.Runtime (>= 4.3) - restriction: || (&& (== net462) (>= dnxcore50)) (&& (== net462) (< net45)) (== netstandard1.6)
      System.Runtime.Extensions (>= 4.3) - restriction: || (&& (== net462) (>= dnxcore50)) (&& (== net462) (< net45)) (== netstandard1.6)
    System.Security.Cryptography.Algorithms (4.3) - restriction: || (&& (== net462) (< net45) (>= netstandard1.6)) (== netstandard1.6)
      Microsoft.NETCore.Platforms (>= 1.1) - restriction: || (&& (== net462) (>= dnxcore50)) (&& (== net462) (< net46) (>= netstandard1.6)) (== netstandard1.6)
      runtime.native.System.Security.Cryptography.Apple (>= 4.3) - restriction: || (&& (== net462) (< net46) (>= netstandard1.6)) (== netstandard1.6)
      runtime.native.System.Security.Cryptography.OpenSsl (>= 4.3) - restriction: || (&& (== net462) (< net46) (>= netstandard1.6)) (== netstandard1.6)
      System.Collections (>= 4.3) - restriction: || (&& (== net462) (< net46) (>= netstandard1.6)) (== netstandard1.6)
      System.IO (>= 4.3) - restriction: || (&& (== net462) (>= dnxcore50)) (&& (== net462) (< net46)) (&& (== net462) (>= net463)) (== netstandard1.6)
      System.Resources.ResourceManager (>= 4.3) - restriction: || (&& (== net462) (>= dnxcore50)) (&& (== net462) (< net46) (>= netstandard1.6)) (== netstandard1.6)
      System.Runtime (>= 4.3) - restriction: || (&& (== net462) (>= dnxcore50)) (&& (== net462) (< net46)) (&& (== net462) (>= net463)) (== netstandard1.6)
      System.Runtime.Extensions (>= 4.3) - restriction: || (&& (== net462) (>= dnxcore50)) (&& (== net462) (< net46) (>= netstandard1.6)) (== netstandard1.6)
      System.Runtime.Handles (>= 4.3) - restriction: || (&& (== net462) (>= dnxcore50)) (&& (== net462) (< net46) (>= netstandard1.6)) (== netstandard1.6)
      System.Runtime.InteropServices (>= 4.3) - restriction: || (&& (== net462) (>= dnxcore50)) (&& (== net462) (< net46) (>= netstandard1.6)) (== netstandard1.6)
      System.Runtime.Numerics (>= 4.3) - restriction: || (&& (== net462) (< net46) (>= netstandard1.6)) (== netstandard1.6)
      System.Security.Cryptography.Encoding (>= 4.3) - restriction: || (&& (== net462) (>= dnxcore50)) (&& (== net462) (< net46) (>= netstandard1.6)) (&& (== net462) (>= net463)) (== netstandard1.6)
      System.Security.Cryptography.Primitives (>= 4.3)
      System.Text.Encoding (>= 4.3) - restriction: || (&& (== net462) (>= dnxcore50)) (&& (== net462) (< net46) (>= netstandard1.6)) (== netstandard1.6)
    System.Security.Cryptography.Cng (4.4) - restriction: || (&& (== net462) (>= dnxcore50) (>= netstandard1.6)) (&& (== net462) (< net45) (>= netstandard1.6)) (&& (== net462) (>= netstandard1.6) (>= uap10.0)) (== netstandard1.6)
      System.IO (>= 4.3) - restriction: || (&& (== net462) (< net46)) (== netstandard1.6)
      System.Resources.ResourceManager (>= 4.3) - restriction: || (&& (== net462) (< net46)) (== netstandard1.6)
      System.Runtime (>= 4.3) - restriction: || (&& (== net462) (< net46)) (== netstandard1.6)
      System.Runtime.Extensions (>= 4.3) - restriction: || (&& (== net462) (< net46)) (== netstandard1.6)
      System.Runtime.Handles (>= 4.3) - restriction: || (&& (== net462) (< net46)) (== netstandard1.6)
      System.Runtime.InteropServices (>= 4.3) - restriction: || (&& (== net462) (< net46)) (== netstandard1.6)
      System.Security.Cryptography.Algorithms (>= 4.3) - restriction: || (&& (== net462) (< net46)) (&& (== net462) (< netstandard1.4)) (== netstandard1.6)
      System.Security.Cryptography.Encoding (>= 4.3) - restriction: || (&& (== net462) (< net46)) (== netstandard1.6)
      System.Security.Cryptography.Primitives (>= 4.3) - restriction: || (&& (== net462) (< net46)) (&& (== net462) (< netstandard1.4)) (== netstandard1.6)
      System.Text.Encoding (>= 4.3) - restriction: || (&& (== net462) (< net46)) (== netstandard1.6)
    System.Security.Cryptography.Csp (4.3) - restriction: || (&& (== net462) (< net45) (>= netstandard1.6)) (&& (== net462) (>= netstandard1.6) (>= uap10.0)) (== netstandard1.6)
      Microsoft.NETCore.Platforms (>= 1.1) - restriction: || (&& (== net462) (< net46)) (== netstandard1.6)
      System.IO (>= 4.3) - restriction: || (&& (== net462) (< net46)) (== netstandard1.6)
      System.Reflection (>= 4.3) - restriction: || (&& (== net462) (< net46)) (== netstandard1.6)
      System.Resources.ResourceManager (>= 4.3) - restriction: || (&& (== net462) (< net46)) (== netstandard1.6)
      System.Runtime (>= 4.3) - restriction: || (&& (== net462) (< net46)) (== netstandard1.6)
      System.Runtime.Extensions (>= 4.3) - restriction: || (&& (== net462) (< net46)) (== netstandard1.6)
      System.Runtime.Handles (>= 4.3) - restriction: || (&& (== net462) (< net46)) (== netstandard1.6)
      System.Runtime.InteropServices (>= 4.3) - restriction: || (&& (== net462) (< net46)) (== netstandard1.6)
      System.Security.Cryptography.Algorithms (>= 4.3)
      System.Security.Cryptography.Encoding (>= 4.3) - restriction: || (&& (== net462) (< net46)) (== netstandard1.6)
      System.Security.Cryptography.Primitives (>= 4.3)
      System.Text.Encoding (>= 4.3) - restriction: || (&& (== net462) (< net46)) (== netstandard1.6)
      System.Threading (>= 4.3) - restriction: || (&& (== net462) (< net46)) (== netstandard1.6)
    System.Security.Cryptography.Encoding (4.3) - restriction: || (&& (== net462) (>= dnxcore50) (>= netstandard1.6)) (&& (== net462) (< net45) (>= netstandard1.6)) (&& (== net462) (>= netstandard1.6) (>= uap10.0)) (== netstandard1.6)
      Microsoft.NETCore.Platforms (>= 1.1) - restriction: || (&& (== net462) (< net46)) (== netstandard1.6)
      runtime.native.System.Security.Cryptography.OpenSsl (>= 4.3) - restriction: || (&& (== net462) (< net46)) (== netstandard1.6)
      System.Collections (>= 4.3) - restriction: || (&& (== net462) (< net46)) (== netstandard1.6)
      System.Collections.Concurrent (>= 4.3) - restriction: || (&& (== net462) (< net46)) (== netstandard1.6)
      System.Linq (>= 4.3) - restriction: || (&& (== net462) (< net46)) (== netstandard1.6)
      System.Resources.ResourceManager (>= 4.3) - restriction: || (&& (== net462) (< net46)) (== netstandard1.6)
      System.Runtime (>= 4.3) - restriction: || (&& (== net462) (< net46)) (== netstandard1.6)
      System.Runtime.Extensions (>= 4.3) - restriction: || (&& (== net462) (< net46)) (== netstandard1.6)
      System.Runtime.Handles (>= 4.3) - restriction: || (&& (== net462) (< net46)) (== netstandard1.6)
      System.Runtime.InteropServices (>= 4.3) - restriction: || (&& (== net462) (< net46)) (== netstandard1.6)
      System.Security.Cryptography.Primitives (>= 4.3) - restriction: || (&& (== net462) (< net46)) (== netstandard1.6)
      System.Text.Encoding (>= 4.3) - restriction: || (&& (== net462) (< net46)) (== netstandard1.6)
    System.Security.Cryptography.OpenSsl (4.4) - restriction: || (&& (== net462) (< net45) (>= netstandard1.6)) (&& (== net462) (>= netstandard1.6) (>= uap10.0)) (== netstandard1.6)
      System.Collections (>= 4.3) - restriction: || (&& (== net462) (< net461) (>= netstandard1.6)) (== netstandard1.6)
      System.IO (>= 4.3) - restriction: || (&& (== net462) (< net461) (>= netstandard1.6)) (== netstandard1.6)
      System.Resources.ResourceManager (>= 4.3) - restriction: || (&& (== net462) (< net461) (>= netstandard1.6)) (== netstandard1.6)
      System.Runtime (>= 4.3) - restriction: || (&& (== net462) (< net461) (>= netstandard1.6)) (== netstandard1.6)
      System.Runtime.Extensions (>= 4.3) - restriction: || (&& (== net462) (< net461) (>= netstandard1.6)) (== netstandard1.6)
      System.Runtime.Handles (>= 4.3) - restriction: || (&& (== net462) (< net461) (>= netstandard1.6)) (== netstandard1.6)
      System.Runtime.InteropServices (>= 4.3) - restriction: || (&& (== net462) (< net461) (>= netstandard1.6)) (== netstandard1.6)
      System.Runtime.Numerics (>= 4.3) - restriction: || (&& (== net462) (< net461) (>= netstandard1.6)) (== netstandard1.6)
      System.Security.Cryptography.Algorithms (>= 4.3) - restriction: || (&& (== net462) (< net461) (>= netstandard1.6)) (== netstandard1.6)
      System.Security.Cryptography.Encoding (>= 4.3) - restriction: || (&& (== net462) (< net461) (>= netstandard1.6)) (== netstandard1.6)
      System.Security.Cryptography.Primitives (>= 4.3) - restriction: || (&& (== net462) (< net461) (>= netstandard1.6)) (== netstandard1.6)
      System.Text.Encoding (>= 4.3) - restriction: || (&& (== net462) (< net461) (>= netstandard1.6)) (== netstandard1.6)
    System.Security.Cryptography.Primitives (4.3) - restriction: || (&& (== net462) (>= dnxcore50) (>= netstandard1.6)) (&& (== net462) (< net45) (>= netstandard1.6)) (&& (== net462) (>= netstandard1.6) (>= uap10.0)) (== netstandard1.6)
      System.Diagnostics.Debug (>= 4.3) - restriction: || (&& (== net462) (< net46)) (== netstandard1.6)
      System.Globalization (>= 4.3) - restriction: || (&& (== net462) (< net46)) (== netstandard1.6)
      System.IO (>= 4.3) - restriction: || (&& (== net462) (< net46)) (== netstandard1.6)
      System.Resources.ResourceManager (>= 4.3) - restriction: || (&& (== net462) (< net46)) (== netstandard1.6)
      System.Runtime (>= 4.3) - restriction: || (&& (== net462) (< net46)) (== netstandard1.6)
      System.Threading (>= 4.3) - restriction: || (&& (== net462) (< net46)) (== netstandard1.6)
      System.Threading.Tasks (>= 4.3) - restriction: || (&& (== net462) (< net46)) (== netstandard1.6)
    System.Security.Cryptography.X509Certificates (4.3.1) - restriction: || (&& (== net462) (>= dnxcore50) (>= netstandard1.6)) (&& (== net462) (< net45) (>= netstandard1.6)) (&& (== net462) (>= netstandard1.6) (>= uap10.0)) (== netstandard1.6)
      Microsoft.NETCore.Platforms (>= 1.1) - restriction: || (&& (== net462) (>= dnxcore50)) (&& (== net462) (< net46) (>= netstandard1.6)) (== netstandard1.6)
      runtime.native.System (>= 4.3) - restriction: || (&& (== net462) (< net46) (>= netstandard1.6)) (== netstandard1.6)
      runtime.native.System.Net.Http (>= 4.3) - restriction: || (&& (== net462) (< net46) (>= netstandard1.6)) (== netstandard1.6)
      runtime.native.System.Security.Cryptography.OpenSsl (>= 4.3.2) - restriction: || (&& (== net462) (< net46) (>= netstandard1.6)) (== netstandard1.6)
      System.Collections (>= 4.3) - restriction: || (&& (== net462) (>= dnxcore50)) (&& (== net462) (< net46) (>= netstandard1.6)) (== netstandard1.6)
      System.Diagnostics.Debug (>= 4.3) - restriction: || (&& (== net462) (< net46) (>= netstandard1.6)) (== netstandard1.6)
      System.Globalization (>= 4.3) - restriction: || (&& (== net462) (>= dnxcore50)) (&& (== net462) (< net46) (>= netstandard1.6)) (== netstandard1.6)
      System.Globalization.Calendars (>= 4.3) - restriction: || (&& (== net462) (>= dnxcore50)) (&& (== net462) (< net46) (>= netstandard1.6)) (== netstandard1.6)
      System.IO (>= 4.3) - restriction: || (&& (== net462) (>= dnxcore50)) (&& (== net462) (< net46) (>= netstandard1.6)) (== netstandard1.6)
      System.IO.FileSystem (>= 4.3) - restriction: || (&& (== net462) (>= dnxcore50)) (&& (== net462) (< net46) (>= netstandard1.6)) (== netstandard1.6)
      System.IO.FileSystem.Primitives (>= 4.3) - restriction: || (&& (== net462) (< net46) (>= netstandard1.6)) (== netstandard1.6)
      System.Resources.ResourceManager (>= 4.3) - restriction: || (&& (== net462) (>= dnxcore50)) (&& (== net462) (< net46) (>= netstandard1.6)) (== netstandard1.6)
      System.Runtime (>= 4.3) - restriction: || (&& (== net462) (>= dnxcore50)) (&& (== net462) (< net46)) (== netstandard1.6)
      System.Runtime.Extensions (>= 4.3) - restriction: || (&& (== net462) (>= dnxcore50)) (&& (== net462) (< net46) (>= netstandard1.6)) (== netstandard1.6)
      System.Runtime.Handles (>= 4.3) - restriction: || (&& (== net462) (>= dnxcore50)) (&& (== net462) (< net46)) (== netstandard1.6)
      System.Runtime.InteropServices (>= 4.3) - restriction: || (&& (== net462) (>= dnxcore50)) (&& (== net462) (< net46) (>= netstandard1.6)) (== netstandard1.6)
      System.Runtime.Numerics (>= 4.3) - restriction: || (&& (== net462) (>= dnxcore50)) (&& (== net462) (< net46) (>= netstandard1.6)) (== netstandard1.6)
      System.Security.Cryptography.Algorithms (>= 4.3)
      System.Security.Cryptography.Cng (>= 4.3) - restriction: || (&& (== net462) (>= dnxcore50)) (&& (== net462) (< net46) (>= netstandard1.6)) (== netstandard1.6)
      System.Security.Cryptography.Csp (>= 4.3) - restriction: || (&& (== net462) (< net46) (>= netstandard1.6)) (== netstandard1.6)
      System.Security.Cryptography.Encoding (>= 4.3)
      System.Security.Cryptography.OpenSsl (>= 4.3) - restriction: || (&& (== net462) (< net46) (>= netstandard1.6)) (== netstandard1.6)
      System.Security.Cryptography.Primitives (>= 4.3) - restriction: || (&& (== net462) (>= dnxcore50)) (&& (== net462) (< net46) (>= netstandard1.6)) (== netstandard1.6)
      System.Text.Encoding (>= 4.3) - restriction: || (&& (== net462) (>= dnxcore50)) (&& (== net462) (< net46) (>= netstandard1.6)) (== netstandard1.6)
      System.Threading (>= 4.3) - restriction: || (&& (== net462) (>= dnxcore50)) (&& (== net462) (< net46) (>= netstandard1.6)) (== netstandard1.6)
    System.Text.Encoding (4.3) - restriction: || (&& (== net462) (>= dnxcore50) (>= netstandard1.6)) (&& (== net462) (< net45) (>= netstandard1.6)) (&& (== net462) (>= netstandard1.6) (< portable-net45+win8+wpa81)) (&& (== net462) (>= netstandard1.6) (>= uap10.0)) (== netstandard1.6)
      Microsoft.NETCore.Platforms (>= 1.1) - restriction: || (&& (== net462) (>= dnxcore50)) (&& (== net462) (< net45)) (== netstandard1.6)
      Microsoft.NETCore.Targets (>= 1.1) - restriction: || (&& (== net462) (>= dnxcore50)) (&& (== net462) (< net45)) (== netstandard1.6)
      System.Runtime (>= 4.3) - restriction: || (&& (== net462) (>= dnxcore50)) (&& (== net462) (< net45)) (== netstandard1.6)
    System.Text.Encoding.Extensions (4.3) - restriction: || (&& (== net462) (< net45) (>= netstandard1.6)) (&& (== net462) (>= netstandard1.6) (< portable-net45+win8+wpa81)) (&& (== net462) (>= netstandard1.6) (>= uap10.0)) (== netstandard1.6)
      Microsoft.NETCore.Platforms (>= 1.1) - restriction: || (&& (== net462) (>= dnxcore50)) (&& (== net462) (< net45)) (== netstandard1.6)
      Microsoft.NETCore.Targets (>= 1.1) - restriction: || (&& (== net462) (>= dnxcore50)) (&& (== net462) (< net45)) (== netstandard1.6)
      System.Runtime (>= 4.3) - restriction: || (&& (== net462) (>= dnxcore50)) (&& (== net462) (< net45)) (== netstandard1.6)
      System.Text.Encoding (>= 4.3) - restriction: || (&& (== net462) (>= dnxcore50)) (&& (== net462) (< net45)) (== netstandard1.6)
    System.Text.RegularExpressions (4.3) - restriction: || (&& (== net462) (< net45) (>= netstandard1.6)) (&& (== net462) (>= netstandard1.6) (< portable-net45+win8+wpa81)) (&& (== net462) (>= netstandard1.6) (>= uap10.0)) (== netstandard1.6)
      System.Collections (>= 4.3) - restriction: || (&& (== net462) (>= dnxcore50)) (&& (== net462) (< net45) (>= netstandard1.6)) (== netstandard1.6)
      System.Globalization (>= 4.3) - restriction: || (&& (== net462) (>= dnxcore50)) (&& (== net462) (< net45) (>= netstandard1.6)) (== netstandard1.6)
      System.Resources.ResourceManager (>= 4.3) - restriction: || (&& (== net462) (>= dnxcore50)) (&& (== net462) (< net45) (>= netstandard1.6)) (== netstandard1.6)
      System.Runtime (>= 4.3) - restriction: || (&& (== net462) (>= dnxcore50)) (&& (== net462) (< net45)) (&& (== net462) (>= netcoreapp1.1)) (== netstandard1.6)
      System.Runtime.Extensions (>= 4.3) - restriction: || (&& (== net462) (>= dnxcore50)) (&& (== net462) (< net45) (>= netstandard1.6)) (== netstandard1.6)
      System.Threading (>= 4.3) - restriction: || (&& (== net462) (>= dnxcore50)) (&& (== net462) (< net45) (>= netstandard1.6)) (== netstandard1.6)
    System.Threading (4.3) - restriction: || (&& (== net462) (>= dnxcore50) (>= netstandard1.6)) (&& (== net462) (< net45) (>= netstandard1.6)) (&& (== net462) (< netstandard1.0) (>= netstandard1.6)) (&& (== net462) (< netstandard1.3) (>= netstandard1.6) (>= wpa81)) (&& (== net462) (>= netstandard1.6) (< portable-net45+win8+wpa81)) (&& (== net462) (>= netstandard1.6) (>= uap10.0)) (== netstandard1.6)
      System.Runtime (>= 4.3) - restriction: || (&& (== net462) (>= dnxcore50)) (&& (== net462) (< net45)) (== netstandard1.6)
      System.Threading.Tasks (>= 4.3) - restriction: || (&& (== net462) (>= dnxcore50)) (&& (== net462) (< net45)) (== netstandard1.6)
    System.Threading.Tasks (4.3) - restriction: || (&& (== net462) (>= dnxcore50) (>= netstandard1.6)) (&& (== net462) (< net45) (>= netstandard1.6)) (&& (== net462) (>= netstandard1.6) (< portable-net45+win8+wpa81)) (&& (== net462) (>= netstandard1.6) (>= uap10.0)) (== netstandard1.6)
      Microsoft.NETCore.Platforms (>= 1.1) - restriction: || (&& (== net462) (>= dnxcore50)) (&& (== net462) (< net45)) (== netstandard1.6)
      Microsoft.NETCore.Targets (>= 1.1) - restriction: || (&& (== net462) (>= dnxcore50)) (&& (== net462) (< net45)) (== netstandard1.6)
      System.Runtime (>= 4.3) - restriction: || (&& (== net462) (>= dnxcore50)) (&& (== net462) (< net45)) (== netstandard1.6)
    System.Threading.Tasks.Extensions (4.4) - restriction: || (&& (== net462) (>= dnxcore50) (>= netstandard1.6)) (&& (== net462) (< net45) (>= netstandard1.6)) (&& (== net462) (>= netstandard1.6) (< portable-net45+win8+wpa81)) (&& (== net462) (>= netstandard1.6) (>= uap10.0)) (== netstandard1.6)
      System.Collections (>= 4.3)
      System.Runtime (>= 4.3)
      System.Threading.Tasks (>= 4.3)
    System.Threading.Tasks.Parallel (4.3) - restriction: || (&& (== net462) (< net45) (>= netstandard1.6)) (== netstandard1.6)
      System.Collections.Concurrent (>= 4.3) - restriction: || (&& (== net462) (>= dnxcore50)) (&& (== net462) (< net45)) (== netstandard1.6)
      System.Diagnostics.Debug (>= 4.3) - restriction: || (&& (== net462) (>= dnxcore50)) (&& (== net462) (< net45)) (== netstandard1.6)
      System.Diagnostics.Tracing (>= 4.3) - restriction: || (&& (== net462) (>= dnxcore50)) (&& (== net462) (< net45)) (== netstandard1.6)
      System.Resources.ResourceManager (>= 4.3) - restriction: || (&& (== net462) (>= dnxcore50)) (&& (== net462) (< net45)) (== netstandard1.6)
      System.Runtime (>= 4.3) - restriction: || (&& (== net462) (>= dnxcore50)) (&& (== net462) (< net45)) (== netstandard1.6)
      System.Runtime.Extensions (>= 4.3) - restriction: || (&& (== net462) (>= dnxcore50)) (&& (== net462) (< net45)) (== netstandard1.6)
      System.Threading (>= 4.3) - restriction: || (&& (== net462) (>= dnxcore50)) (&& (== net462) (< net45)) (== netstandard1.6)
      System.Threading.Tasks (>= 4.3) - restriction: || (&& (== net462) (>= dnxcore50)) (&& (== net462) (< net45)) (== netstandard1.6)
    System.Threading.Thread (4.3) - restriction: || (&& (== net462) (< net45) (>= netstandard1.6)) (== netstandard1.6)
      System.Runtime (>= 4.3) - restriction: || (&& (== net462) (< net46)) (== netstandard1.6)
    System.Threading.ThreadPool (4.3) - restriction: || (&& (== net462) (< net45) (>= netstandard1.6)) (== netstandard1.6)
      System.Runtime (>= 4.3) - restriction: || (&& (== net462) (< net46)) (== netstandard1.6)
      System.Runtime.Handles (>= 4.3) - restriction: || (&& (== net462) (< net46)) (== netstandard1.6)
    System.Threading.Timer (4.3) - restriction: || (&& (== net462) (< net45) (>= netstandard1.6)) (&& (== net462) (>= netstandard1.6) (>= uap10.0)) (== netstandard1.6)
      Microsoft.NETCore.Platforms (>= 1.1) - restriction: || (&& (== net462) (>= dnxcore50)) (&& (== net462) (< net451)) (== netstandard1.6)
      Microsoft.NETCore.Targets (>= 1.1) - restriction: || (&& (== net462) (>= dnxcore50)) (&& (== net462) (< net451)) (== netstandard1.6)
      System.Runtime (>= 4.3) - restriction: || (&& (== net462) (>= dnxcore50)) (&& (== net462) (< net451)) (== netstandard1.6)
    System.ValueTuple (4.4) - restriction: || (&& (== net462) (< net45) (>= netstandard1.6)) (== netstandard1.6)
      NETStandard.Library (>= 1.6.1) - restriction: || (&& (== net462) (< net461)) (== netstandard1.6)
    System.Xml.ReaderWriter (4.3) - restriction: || (&& (== net462) (< net45) (>= netstandard1.6)) (&& (== net462) (>= netstandard1.6) (< portable-net45+win8+wpa81)) (&& (== net462) (>= netstandard1.6) (>= uap10.0)) (== netstandard1.6)
      System.Collections (>= 4.3) - restriction: || (&& (== net462) (>= dnxcore50)) (&& (== net462) (< net45)) (== netstandard1.6)
      System.Diagnostics.Debug (>= 4.3) - restriction: || (&& (== net462) (>= dnxcore50)) (&& (== net462) (< net45)) (== netstandard1.6)
      System.Globalization (>= 4.3) - restriction: || (&& (== net462) (>= dnxcore50)) (&& (== net462) (< net45)) (== netstandard1.6)
      System.IO (>= 4.3) - restriction: || (&& (== net462) (>= dnxcore50)) (&& (== net462) (< net45)) (== netstandard1.6)
      System.IO.FileSystem (>= 4.3) - restriction: || (&& (== net462) (>= dnxcore50)) (&& (== net462) (< net45)) (== netstandard1.6)
      System.IO.FileSystem.Primitives (>= 4.3) - restriction: || (&& (== net462) (>= dnxcore50)) (&& (== net462) (< net45)) (== netstandard1.6)
      System.Resources.ResourceManager (>= 4.3) - restriction: || (&& (== net462) (>= dnxcore50)) (&& (== net462) (< net45)) (== netstandard1.6)
      System.Runtime (>= 4.3) - restriction: || (&& (== net462) (>= dnxcore50)) (&& (== net462) (< net45)) (== netstandard1.6)
      System.Runtime.Extensions (>= 4.3) - restriction: || (&& (== net462) (>= dnxcore50)) (&& (== net462) (< net45)) (== netstandard1.6)
      System.Runtime.InteropServices (>= 4.3) - restriction: || (&& (== net462) (>= dnxcore50)) (&& (== net462) (< net45)) (== netstandard1.6)
      System.Text.Encoding (>= 4.3) - restriction: || (&& (== net462) (>= dnxcore50)) (&& (== net462) (< net45)) (== netstandard1.6)
      System.Text.Encoding.Extensions (>= 4.3) - restriction: || (&& (== net462) (>= dnxcore50)) (&& (== net462) (< net45)) (== netstandard1.6)
      System.Text.RegularExpressions (>= 4.3) - restriction: || (&& (== net462) (>= dnxcore50)) (&& (== net462) (< net45)) (== netstandard1.6)
      System.Threading.Tasks (>= 4.3) - restriction: || (&& (== net462) (>= dnxcore50)) (&& (== net462) (< net45)) (== netstandard1.6)
      System.Threading.Tasks.Extensions (>= 4.3) - restriction: || (&& (== net462) (>= dnxcore50)) (&& (== net462) (< net45)) (== netstandard1.6)
    System.Xml.XDocument (4.3) - restriction: || (&& (== net462) (< net45) (>= netstandard1.6)) (&& (== net462) (>= netstandard1.6) (< portable-net45+win8+wpa81)) (&& (== net462) (>= netstandard1.6) (>= uap10.0)) (== netstandard1.6)
      System.Collections (>= 4.3) - restriction: || (&& (== net462) (>= dnxcore50)) (&& (== net462) (< net45)) (== netstandard1.6)
      System.Diagnostics.Debug (>= 4.3) - restriction: || (&& (== net462) (>= dnxcore50)) (&& (== net462) (< net45)) (== netstandard1.6)
      System.Diagnostics.Tools (>= 4.3) - restriction: || (&& (== net462) (>= dnxcore50)) (&& (== net462) (< net45)) (== netstandard1.6)
      System.Globalization (>= 4.3) - restriction: || (&& (== net462) (>= dnxcore50)) (&& (== net462) (< net45)) (== netstandard1.6)
      System.IO (>= 4.3) - restriction: || (&& (== net462) (>= dnxcore50)) (&& (== net462) (< net45)) (== netstandard1.6)
      System.Reflection (>= 4.3) - restriction: || (&& (== net462) (>= dnxcore50)) (&& (== net462) (< net45)) (== netstandard1.6)
      System.Resources.ResourceManager (>= 4.3) - restriction: || (&& (== net462) (>= dnxcore50)) (&& (== net462) (< net45)) (== netstandard1.6)
      System.Runtime (>= 4.3) - restriction: || (&& (== net462) (>= dnxcore50)) (&& (== net462) (< net45)) (== netstandard1.6)
      System.Runtime.Extensions (>= 4.3) - restriction: || (&& (== net462) (>= dnxcore50)) (&& (== net462) (< net45)) (== netstandard1.6)
      System.Text.Encoding (>= 4.3) - restriction: || (&& (== net462) (>= dnxcore50)) (&& (== net462) (< net45)) (== netstandard1.6)
      System.Threading (>= 4.3) - restriction: || (&& (== net462) (>= dnxcore50)) (&& (== net462) (< net45)) (== netstandard1.6)
      System.Xml.ReaderWriter (>= 4.3) - restriction: || (&& (== net462) (>= dnxcore50)) (&& (== net462) (< net45)) (== netstandard1.6)
    xunit (2.3)
      xunit.analyzers (>= 0.7)
      xunit.assert (2.3)
      xunit.core (2.3)
    xunit.abstractions (2.0.1)
      NETStandard.Library (>= 1.6) - restriction: || (&& (== net462) (< net35)) (== netstandard1.6)
    xunit.analyzers (0.7)
    xunit.assert (2.3)
      NETStandard.Library (>= 1.6.1) - restriction: || (&& (== net462) (< net452)) (== netstandard1.6)
    xunit.core (2.3)
      xunit.extensibility.core (2.3)
      xunit.extensibility.execution (2.3)
    xunit.extensibility.core (2.3)
      NETStandard.Library (>= 1.6.1) - restriction: || (&& (== net462) (< net452)) (== netstandard1.6)
      xunit.abstractions (>= 2.0.1)
    xunit.extensibility.execution (2.3)
      NETStandard.Library (>= 1.6.1) - restriction: || (&& (== net462) (< net452)) (== netstandard1.6)
      xunit.extensibility.core (2.3)
    xunit.runner.visualstudio (2.3)
