FRAMEWORK: NET462
NUGET
  remote: https://api.nuget.org/v3/index.json
    NHamcrest (1.2.1)
    xunit (2.2.0-beta5-build3474)
      xunit.assert (2.2.0-beta5-build3474)
      xunit.core (2.2.0-beta5-build3474)
    xunit.abstractions (2.0.1)
    xunit.assert (2.2.0-beta5-build3474)
    xunit.core (2.2.0-beta5-build3474)
      xunit.extensibility.core (2.2.0-beta5-build3474)
      xunit.extensibility.execution (2.2.0-beta5-build3474)
    xunit.extensibility.core (2.2.0-beta5-build3474)
    xunit.extensibility.execution (2.2.0-beta5-build3474)

GROUP .build
FRAMEWORK: NET462
NUGET
  remote: https://api.nuget.org/v3/index.json
    FAKE (4.50)
    SourceLink (1.1)
    SourceLink.Fake (1.1)
    xunit.runner.console (2.2.0-beta5-build3474)

GROUP .test
FRAMEWORK: NET462
NUGET
  remote: https://api.nuget.org/v3/index.json
    FSharp.Compiler.CodeDom (1.0.0.1)
    FSharp.Compiler.Service (9.0.1)
      System.Collections.Immutable (>= 1.2)
      System.Reflection.Metadata (>= 1.4.1-beta-24227-04)
    System.Collections.Immutable (1.3.1)
    System.Reflection.Metadata (1.4.2)
      System.Collections.Immutable (>= 1.3.1)
