RESTRICTION: == net462
NUGET
  remote: https://api.nuget.org/v3/index.json
    NHamcrest (2.0.1)
    xunit (2.3.0-beta3-build3705)
      xunit.analyzers (>= 0.3)
      xunit.assert (2.3.0-beta3-build3705)
      xunit.core (2.3.0-beta3-build3705)
    xunit.abstractions (2.0.1)
    xunit.analyzers (0.5)
    xunit.assert (2.3.0-beta3-build3705)
    xunit.core (2.3.0-beta3-build3705)
      xunit.extensibility.core (2.3.0-beta3-build3705)
      xunit.extensibility.execution (2.3.0-beta3-build3705)
    xunit.extensibility.core (2.3.0-beta3-build3705)
      xunit.abstractions (>= 2.0.1)
    xunit.extensibility.execution (2.3.0-beta3-build3705)
      xunit.extensibility.core (2.3.0-beta3-build3705)

GROUP .build
RESTRICTION: == net462
NUGET
  remote: https://api.nuget.org/v3/index.json
    FAKE (4.62.5)
    SourceLink (1.1)
    SourceLink.Fake (1.1)
    xunit.runner.console (2.3.0-beta3-build3705)

GROUP .test
RESTRICTION: == net462
NUGET
  remote: https://api.nuget.org/v3/index.json
    FSharp.Compiler.CodeDom (1.0.0.1)
    FSharp.Compiler.Service (9.0.1)
      System.Collections.Immutable (>= 1.2)
      System.Reflection.Metadata (>= 1.4.1-beta-24227-04)
    System.Collections.Immutable (1.3.1)
    System.Reflection.Metadata (1.4.2)
      System.Collections.Immutable (>= 1.3.1)
