FRAMEWORK: NET461
NUGET
  remote: https://api.nuget.org/v3/index.json
    NHamcrest (1.2.1)
    xunit (2.1)
      xunit.assert (2.1)
      xunit.core (2.1)
    xunit.abstractions (2.0)
    xunit.assert (2.1)
    xunit.core (2.1)
      xunit.extensibility.core (2.1)
      xunit.extensibility.execution (2.1)
    xunit.extensibility.core (2.1)
      xunit.abstractions (2.0)
    xunit.extensibility.execution (2.1)
      xunit.extensibility.core (2.1)

GROUP .build
FRAMEWORK: NET461
NUGET
  remote: https://api.nuget.org/v3/index.json
    FAKE (4.48)
    SourceLink (1.1)
    SourceLink.Fake (1.1)
    xunit.runner.console (2.1)

GROUP .test
FRAMEWORK: NET461
NUGET
  remote: https://api.nuget.org/v3/index.json
    FSharp.Compiler.CodeDom (1.0.0.1)
    FSharp.Compiler.Service (9.0.1)
      System.Collections.Immutable (>= 1.2)
      System.Reflection.Metadata (>= 1.4.1-beta-24227-04)
    System.Collections.Immutable (1.3.1)
    System.Reflection.Metadata (1.4.2)
      System.Collections.Immutable (>= 1.3.1)
